{
  "aor": 0.0071050555555555546,
  "aqi": 0.00583529475,
  "bids_meta": {
    "DeviceSerialNumber": 67080,
    "DwellTime": 2,
    "EchoTime": 0.03,
    "FlipAngle": 49,
    "InPlanePhaseEncodingDirection": "COL",
    "InstitutionAddress": "E 72nd Street 516,NYC ,NYC,US,10021",
    "InstitutionName": "CBIC",
    "InversionTime": 1060,
    "MagneticFieldStrength": 3,
    "Manufacturer": "Siemens",
    "RepetitionTime": 0.8,
    "ScanOptions": "FS",
    "ScanningSequence": "EP",
    "SequenceVariant": "SK",
    "SoftwareVersions": "syngo MR E11",
    "StationName": "MRTRI03TX72",
    "TaskDescription": "Subjects DID wear a headmold.",
    "TaskName": "rest",
    "acq_id": "moldON",
    "dataset": "ds002735",
    "modality": "bold",
    "run_id": 1,
    "subject_id": "02",
    "task_id": "rest"
  },
  "dummy_trs": 0,
  "dvars_nstd": 34.267529644429004,
  "dvars_std": 1.1316353595543178,
  "dvars_vstd": 1.0871607043175482,
  "efc": 0.466105249081721,
  "fber": 4796.91357421875,
  "fd_mean": 0.19301548445724587,
  "fd_num": 132,
  "fd_perc": 36.666666666666664,
  "fwhm_avg": 2.9785776594197357,
  "fwhm_x": 2.805266555195389,
  "fwhm_y": 3.0186248800506243,
  "fwhm_z": 3.1118415430131936,
  "gcor": 0.00798234,
  "gsr_x": -0.007873508147895336,
  "gsr_y": 0.07706674188375473,
  "provenance": {
    "md5sum": "4bf0148aa95090971af90f458b0d7c07",
    "settings": {
      "fd_thres": 0.2,
      "testing": false
    },
    "software": "mriqc",
    "version": "22.0.6",
    "webapi_port": null,
    "webapi_url": "https://mriqc.nimh.nih.gov/api/v1"
  },
  "size_t": 360,
  "size_x": 90,
  "size_y": 90,
  "size_z": 66,
  "snr": 2.6991094136928204,
  "spacing_tr": 0.800000011920929,
  "spacing_x": 2.4000000953674316,
  "spacing_y": 2.4000000953674316,
  "spacing_z": 2.4000000953674316,
  "summary_bg_k": 41.55589568021222,
  "summary_bg_mad": 9.278619225844809,
  "summary_bg_mean": 27.775972366333008,
  "summary_bg_median": 7.863889217376709,
  "summary_bg_n": 369386.0,
  "summary_bg_p05": 1.3055555820465088,
  "summary_bg_p95": 125.1138916015625,
  "summary_bg_stdv": 54.29352569580078,
  "summary_fg_k": 0.47833625647475664,
  "summary_fg_mad": 193.55576019475566,
  "summary_fg_mean": 570.5844116210938,
  "summary_fg_median": 533.9847412109375,
  "summary_fg_n": 90424.0,
  "summary_fg_p05": 315.4054138183594,
  "summary_fg_p95": 941.9760040283201,
  "summary_fg_stdv": 197.83628845214844,
  "tsnr": 38.641538594383746
}