{
  "aor": 0.0022290555555555553,
  "aqi": 0.008538378555555556,
  "bids_meta": {
    "DeviceSerialNumber": 67080,
    "DwellTime": 2,
    "EchoTime": 0.03,
    "FlipAngle": 49,
    "InPlanePhaseEncodingDirection": "COL",
    "InstitutionAddress": "E 72nd Street 516,NYC ,NYC,US,10021",
    "InstitutionName": "CBIC",
    "InversionTime": 1060,
    "MagneticFieldStrength": 3,
    "Manufacturer": "Siemens",
    "RepetitionTime": 0.8,
    "ScanOptions": "FS",
    "ScanningSequence": "EP",
    "SequenceVariant": "SK",
    "SoftwareVersions": "syngo MR E11",
    "StationName": "MRTRI03TX72",
    "TaskDescription": "Subjects did NOT wear a headmold.",
    "TaskName": "rest",
    "acq_id": "moldOFF",
    "dataset": "ds002735",
    "modality": "bold",
    "run_id": 1,
    "subject_id": "02",
    "task_id": "rest"
  },
  "dummy_trs": 0,
  "dvars_nstd": 36.20434025211697,
  "dvars_std": 1.088326170863511,
  "dvars_vstd": 1.0101207745403902,
  "efc": 0.45840395174511367,
  "fber": 5606.771484375,
  "fd_mean": 0.2062216748586221,
  "fd_num": 156,
  "fd_perc": 43.333333333333336,
  "fwhm_avg": 3.172712589185639,
  "fwhm_x": 3.0175665467593453,
  "fwhm_y": 3.135116853534193,
  "fwhm_z": 3.365454367263379,
  "gcor": 0.00741823,
  "gsr_x": -0.008364921435713768,
  "gsr_y": 0.05194026976823807,
  "provenance": {
    "md5sum": "492359e925141d6cb481f465a6c56a9a",
    "settings": {
      "fd_thres": 0.2,
      "testing": false
    },
    "software": "mriqc",
    "version": "22.0.6",
    "webapi_port": null,
    "webapi_url": "https://mriqc.nimh.nih.gov/api/v1"
  },
  "size_t": 360,
  "size_x": 90,
  "size_y": 90,
  "size_z": 66,
  "snr": 2.386330006586816,
  "spacing_tr": 0.800000011920929,
  "spacing_x": 2.4000000953674316,
  "spacing_y": 2.3999998569488525,
  "spacing_z": 2.3999998569488525,
  "summary_bg_k": 25.72305634638267,
  "summary_bg_mad": 8.68145980256899,
  "summary_bg_mean": 27.703340530395508,
  "summary_bg_median": 7.563889026641846,
  "summary_bg_n": 369244.0,
  "summary_bg_p05": 1.369444489479065,
  "summary_bg_p95": 129.75277709960938,
  "summary_bg_stdv": 54.41803741455078,
  "summary_fg_k": 2.3951886053329794,
  "summary_fg_mad": 199.80329428086014,
  "summary_fg_mean": 600.5997314453125,
  "summary_fg_median": 552.8388671875,
  "summary_fg_n": 90858.0,
  "summary_fg_p05": 326.38680267333984,
  "summary_fg_p95": 1050.0016662597657,
  "summary_fg_stdv": 231.6678009033203,
  "tsnr": 36.07938678620849
}