{
  "aor": 0.004402638888888889,
  "aqi": 0.012225336777777778,
  "bids_meta": {
    "DeviceSerialNumber": 67080,
    "DwellTime": 2,
    "EchoTime": 0.03,
    "FlipAngle": 49,
    "InPlanePhaseEncodingDirection": "COL",
    "InstitutionAddress": "E 72nd Street 516,NYC ,NYC,US,10021",
    "InstitutionName": "CBIC",
    "InversionTime": 1060,
    "MagneticFieldStrength": 3,
    "Manufacturer": "Siemens",
    "RepetitionTime": 0.8,
    "ScanOptions": "FS",
    "ScanningSequence": "EP",
    "SequenceVariant": "SK",
    "SoftwareVersions": "syngo MR E11",
    "StationName": "MRTRI03TX72",
    "TaskDescription": "Subjects did NOT wear a headmold.",
    "TaskName": "rest",
    "acq_id": "moldOFF",
    "dataset": "ds002735",
    "modality": "bold",
    "run_id": 2,
    "subject_id": "02",
    "task_id": "rest"
  },
  "dummy_trs": 0,
  "dvars_nstd": 42.40301916392759,
  "dvars_std": 1.062178714150418,
  "dvars_vstd": 1.0014645279665741,
  "efc": 0.4594365635655132,
  "fber": 5404.23486328125,
  "fd_mean": 0.31904239203587137,
  "fd_num": 202,
  "fd_perc": 56.111111111111114,
  "fwhm_avg": 3.1874848116820984,
  "fwhm_x": 3.035874879365171,
  "fwhm_y": 3.130971019953749,
  "fwhm_z": 3.3956085357273738,
  "gcor": 0.0153341,
  "gsr_x": -0.007375769782811403,
  "gsr_y": 0.04985188692808151,
  "provenance": {
    "md5sum": "e8995835d686e97052dc439fccfe1244",
    "settings": {
      "fd_thres": 0.2,
      "testing": false
    },
    "software": "mriqc",
    "version": "22.0.6",
    "webapi_port": null,
    "webapi_url": "https://mriqc.nimh.nih.gov/api/v1"
  },
  "size_t": 360,
  "size_x": 90,
  "size_y": 90,
  "size_z": 66,
  "snr": 2.3856544665275528,
  "spacing_tr": 0.800000011920929,
  "spacing_x": 2.4000000953674316,
  "spacing_y": 2.3999998569488525,
  "spacing_z": 2.3999998569488525,
  "summary_bg_k": 25.488168881132157,
  "summary_bg_mad": 8.759708060539943,
  "summary_bg_mean": 27.596506118774414,
  "summary_bg_median": 7.661111354827881,
  "summary_bg_n": 368735.0,
  "summary_bg_p05": 1.4111111164093018,
  "summary_bg_p95": 128.70360717773434,
  "summary_bg_stdv": 53.73381805419922,
  "summary_fg_k": 2.469969322796521,
  "summary_fg_mad": 198.46690266627,
  "summary_fg_mean": 599.168212890625,
  "summary_fg_median": 551.2111206054688,
  "summary_fg_n": 91023.0,
  "summary_fg_p05": 325.9305725097656,
  "summary_fg_p95": 1047.5661499023433,
  "summary_fg_stdv": 231.0511016845703,
  "tsnr": 29.598275955184363
}