{
  "aor": 0.0020786944444444446,
  "aqi": 0.008353647055555555,
  "bids_meta": {
    "DeviceSerialNumber": 67080,
    "DwellTime": 2,
    "EchoTime": 0.03,
    "FlipAngle": 49,
    "InPlanePhaseEncodingDirection": "COL",
    "InstitutionAddress": "E 72nd Street 516,NYC ,NYC,US,10021",
    "InstitutionName": "CBIC",
    "InversionTime": 1060,
    "MagneticFieldStrength": 3,
    "Manufacturer": "Siemens",
    "RepetitionTime": 0.8,
    "ScanOptions": "FS",
    "ScanningSequence": "EP",
    "SequenceVariant": "SK",
    "SoftwareVersions": "syngo MR E11",
    "StationName": "MRTRI03TX72",
    "TaskDescription": "Subjects DID wear a headmold.",
    "TaskName": "rest",
    "acq_id": "moldON",
    "dataset": "ds002735",
    "modality": "bold",
    "run_id": 2,
    "subject_id": "02",
    "task_id": "rest"
  },
  "dummy_trs": 0,
  "dvars_nstd": 33.66032103623956,
  "dvars_std": 1.034622470194986,
  "dvars_vstd": 0.9976843927576599,
  "efc": 0.46709892403392955,
  "fber": 4537.1044921875,
  "fd_mean": 0.1897287819043836,
  "fd_num": 142,
  "fd_perc": 39.44444444444444,
  "fwhm_avg": 3.021999879916514,
  "fwhm_x": 2.8359748873084825,
  "fwhm_y": 3.057733211829932,
  "fwhm_z": 3.1722915406111265,
  "gcor": 0.00517576,
  "gsr_x": -0.007730940356850624,
  "gsr_y": 0.07766564935445786,
  "provenance": {
    "md5sum": "d78eb8afb75979327a6809c7a854f851",
    "settings": {
      "fd_thres": 0.2,
      "testing": false
    },
    "software": "mriqc",
    "version": "22.0.6",
    "webapi_port": null,
    "webapi_url": "https://mriqc.nimh.nih.gov/api/v1"
  },
  "size_t": 360,
  "size_x": 90,
  "size_y": 90,
  "size_z": 66,
  "snr": 2.690427445438655,
  "spacing_tr": 0.800000011920929,
  "spacing_x": 2.4000000953674316,
  "spacing_y": 2.4000000953674316,
  "spacing_z": 2.4000000953674316,
  "summary_bg_k": 47.74791527000562,
  "summary_bg_mad": 9.525719890162339,
  "summary_bg_mean": 28.03363800048828,
  "summary_bg_median": 8.091667175292969,
  "summary_bg_n": 368811.0,
  "summary_bg_p05": 1.3583333492279053,
  "summary_bg_p95": 124.85972595214844,
  "summary_bg_stdv": 54.65244674682617,
  "summary_fg_k": 0.47763374066424413,
  "summary_fg_mad": 193.91822132672735,
  "summary_fg_mean": 571.8328857421875,
  "summary_fg_median": 534.6722412109375,
  "summary_fg_n": 90634.0,
  "summary_fg_p05": 314.59903411865236,
  "summary_fg_p95": 946.7094543457031,
  "summary_fg_stdv": 198.73023986816406,
  "tsnr": 34.34104998735711
}