{
  "aor": 0.00034125,
  "aqi": 0.0035672424444444443,
  "bids_meta": {
    "DeviceSerialNumber": 67080,
    "DwellTime": 2,
    "EchoTime": 0.03,
    "FlipAngle": 49,
    "InPlanePhaseEncodingDirection": "COL",
    "InstitutionAddress": "E 72nd Street 516,NYC ,NYC,US,10021",
    "InstitutionName": "CBIC",
    "InversionTime": 1060,
    "MagneticFieldStrength": 3,
    "Manufacturer": "Siemens",
    "RepetitionTime": 0.8,
    "ScanOptions": "FS",
    "ScanningSequence": "EP",
    "SequenceVariant": "SK",
    "SoftwareVersions": "syngo MR E11",
    "StationName": "MRTRI03TX72",
    "TaskDescription": "Subjects did NOT wear a headmold.",
    "TaskName": "rest",
    "acq_id": "moldOFF",
    "dataset": "ds002735",
    "modality": "bold",
    "run_id": 2,
    "subject_id": "09",
    "task_id": "rest"
  },
  "dummy_trs": 0,
  "dvars_nstd": 26.795087229916405,
  "dvars_std": 1.0040709121169913,
  "dvars_vstd": 0.9896315411977717,
  "efc": 0.4717909938668601,
  "fber": 2520.8349609375,
  "fd_mean": 0.08682314338766783,
  "fd_num": 0,
  "fd_perc": 0.0,
  "fwhm_avg": 3.0493568232738912,
  "fwhm_x": 2.7750915563944356,
  "fwhm_y": 3.2413915378653395,
  "fwhm_z": 3.131587375561898,
  "gcor": 0.00610661,
  "gsr_x": 0.003679228713735938,
  "gsr_y": 0.052402570843696594,
  "provenance": {
    "md5sum": "54bb9439fa93fceb68c4b1f7543270a0",
    "settings": {
      "fd_thres": 0.2,
      "testing": false
    },
    "software": "mriqc",
    "version": "22.0.6",
    "webapi_port": null,
    "webapi_url": "https://mriqc.nimh.nih.gov/api/v1"
  },
  "size_t": 360,
  "size_x": 90,
  "size_y": 90,
  "size_z": 66,
  "snr": 2.405668590241081,
  "spacing_tr": 0.800000011920929,
  "spacing_x": 2.4000000953674316,
  "spacing_y": 2.4000000953674316,
  "spacing_z": 2.4000000953674316,
  "summary_bg_k": 19.949684792699507,
  "summary_bg_mad": 12.75037964471604,
  "summary_bg_mean": 38.94233703613281,
  "summary_bg_median": 11.119444847106934,
  "summary_bg_n": 374430.0,
  "summary_bg_p05": 1.6527777910232544,
  "summary_bg_p95": 190.55986175537106,
  "summary_bg_stdv": 72.90750885009766,
  "summary_fg_k": 0.4151445468162116,
  "summary_fg_mad": 226.64874206543107,
  "summary_fg_mean": 602.845703125,
  "summary_fg_median": 558.7028198242188,
  "summary_fg_n": 83171.0,
  "summary_fg_p05": 306.2291717529297,
  "summary_fg_p95": 1039.5208129882812,
  "summary_fg_stdv": 232.24290466308594,
  "tsnr": 46.55002733319998
}