{
  "aor": 0.00039438547486033516,
  "aqi": 0.0032176436592178765,
  "bids_meta": {
    "DeviceSerialNumber": 67080,
    "DwellTime": 2,
    "EchoTime": 0.03,
    "FlipAngle": 49,
    "InPlanePhaseEncodingDirection": "COL",
    "InstitutionAddress": "E 72nd Street 516,NYC ,NYC,US,10021",
    "InstitutionName": "CBIC",
    "InversionTime": 1060,
    "MagneticFieldStrength": 3,
    "Manufacturer": "Siemens",
    "RepetitionTime": 0.8,
    "ScanOptions": "FS",
    "ScanningSequence": "EP",
    "SequenceVariant": "SK",
    "SoftwareVersions": "syngo MR E11",
    "StationName": "MRTRI03TX72",
    "TaskDescription": "Subjects DID wear a headmold.",
    "TaskName": "rest",
    "acq_id": "moldON",
    "dataset": "ds002735",
    "modality": "bold",
    "run_id": 2,
    "subject_id": "09",
    "task_id": "rest"
  },
  "dummy_trs": 2,
  "dvars_nstd": 27.061776601708676,
  "dvars_std": 1.0268459582913172,
  "dvars_vstd": 1.006741417338935,
  "efc": 0.47379728055762754,
  "fber": 2502.773681640625,
  "fd_mean": 0.09123781317093271,
  "fd_num": 0,
  "fd_perc": 0.0,
  "fwhm_avg": 2.9788498816311404,
  "fwhm_x": 2.7339165580305833,
  "fwhm_y": 3.1256373757983296,
  "fwhm_z": 3.076995711064509,
  "gcor": 0.00792602,
  "gsr_x": 0.0012816408416256309,
  "gsr_y": 0.05774405598640442,
  "provenance": {
    "md5sum": "64878d822e41d6172d732219a7196953",
    "settings": {
      "fd_thres": 0.2,
      "testing": false
    },
    "software": "mriqc",
    "version": "22.0.6",
    "webapi_port": null,
    "webapi_url": "https://mriqc.nimh.nih.gov/api/v1"
  },
  "size_t": 358,
  "size_x": 90,
  "size_y": 90,
  "size_z": 66,
  "snr": 2.493332727918435,
  "spacing_tr": 0.800000011920929,
  "spacing_x": 2.4000000953674316,
  "spacing_y": 2.4000000953674316,
  "spacing_z": 2.4000000953674316,
  "summary_bg_k": 18.389297258399147,
  "summary_bg_mad": 12.432322659579837,
  "summary_bg_mean": 37.62681198120117,
  "summary_bg_median": 10.843575477600098,
  "summary_bg_n": 374786.0,
  "summary_bg_p05": 1.597765326499939,
  "summary_bg_p95": 180.91550064086914,
  "summary_bg_stdv": 69.30059051513672,
  "summary_fg_k": 0.2921501160503417,
  "summary_fg_mad": 209.8047737455682,
  "summary_fg_mean": 579.799560546875,
  "summary_fg_median": 539.4022216796875,
  "summary_fg_n": 82611.0,
  "summary_fg_p05": 298.29469299316406,
  "summary_fg_p95": 989.4929809570312,
  "summary_fg_stdv": 216.33653259277344,
  "tsnr": 48.48824413365219
}