{
  "aor": 0.00036138888888888885,
  "aqi": 0.0034922009444444445,
  "bids_meta": {
    "DeviceSerialNumber": 67080,
    "DwellTime": 2,
    "EchoTime": 0.03,
    "FlipAngle": 49,
    "InPlanePhaseEncodingDirection": "COL",
    "InstitutionAddress": "E 72nd Street 516,NYC ,NYC,US,10021",
    "InstitutionName": "CBIC",
    "InversionTime": 1060,
    "MagneticFieldStrength": 3,
    "Manufacturer": "Siemens",
    "RepetitionTime": 0.8,
    "ScanOptions": "FS",
    "ScanningSequence": "EP",
    "SequenceVariant": "SK",
    "SoftwareVersions": "syngo MR E11",
    "StationName": "MRTRI03TX72",
    "TaskDescription": "Subjects DID wear a headmold.",
    "TaskName": "rest",
    "acq_id": "moldON",
    "dataset": "ds002735",
    "modality": "bold",
    "run_id": 1,
    "subject_id": "09",
    "task_id": "rest"
  },
  "dummy_trs": 0,
  "dvars_nstd": 26.978681282757677,
  "dvars_std": 1.004405152423398,
  "dvars_vstd": 0.9907406374373259,
  "efc": 0.47377277412823293,
  "fber": 2763.971923828125,
  "fd_mean": 0.0798931210143416,
  "fd_num": 0,
  "fd_perc": 0.0,
  "fwhm_avg": 3.0352832127220144,
  "fwhm_x": 2.75609989048243,
  "fwhm_y": 3.1951082063711405,
  "fwhm_z": 3.154641541312474,
  "gcor": 0.00543264,
  "gsr_x": 0.013573008589446545,
  "gsr_y": 0.06219261512160301,
  "provenance": {
    "md5sum": "a5f36223d8e889992139aeae0835ce44",
    "settings": {
      "fd_thres": 0.2,
      "testing": false
    },
    "software": "mriqc",
    "version": "22.0.6",
    "webapi_port": null,
    "webapi_url": "https://mriqc.nimh.nih.gov/api/v1"
  },
  "size_t": 360,
  "size_x": 90,
  "size_y": 90,
  "size_z": 66,
  "snr": 2.4697857529469847,
  "spacing_tr": 0.800000011920929,
  "spacing_x": 2.4000000953674316,
  "spacing_y": 2.4000000953674316,
  "spacing_z": 2.4000000953674316,
  "summary_bg_k": 21.629938162206297,
  "summary_bg_mad": 11.646664769800065,
  "summary_bg_mean": 36.68964767456055,
  "summary_bg_median": 10.188889503479004,
  "summary_bg_n": 370484.0,
  "summary_bg_p05": 1.5722222328186035,
  "summary_bg_p95": 175.86819610595683,
  "summary_bg_stdv": 70.89286041259766,
  "summary_fg_k": 0.5788120920757605,
  "summary_fg_mad": 202.53170676503476,
  "summary_fg_mean": 584.6759643554688,
  "summary_fg_median": 538.8111572265625,
  "summary_fg_n": 84766.0,
  "summary_fg_p05": 307.6597213745117,
  "summary_fg_p95": 1004.8701477050781,
  "summary_fg_stdv": 218.15980529785156,
  "tsnr": 46.89100181683898
}