{
  "aor": 0.0005333888888888889,
  "aqi": 0.004319425472222222,
  "bids_meta": {
    "DeviceSerialNumber": 67080,
    "DwellTime": 2,
    "EchoTime": 0.03,
    "FlipAngle": 49,
    "InPlanePhaseEncodingDirection": "COL",
    "InstitutionAddress": "E 72nd Street 516,NYC ,NYC,US,10021",
    "InstitutionName": "CBIC",
    "InversionTime": 1060,
    "MagneticFieldStrength": 3,
    "Manufacturer": "Siemens",
    "RepetitionTime": 0.8,
    "ScanOptions": "FS",
    "ScanningSequence": "EP",
    "SequenceVariant": "SK",
    "SoftwareVersions": "syngo MR E11",
    "StationName": "MRTRI03TX72",
    "TaskDescription": "Subjects did NOT wear a headmold.",
    "TaskName": "rest",
    "acq_id": "moldOFF",
    "dataset": "ds002735",
    "modality": "bold",
    "run_id": 1,
    "subject_id": "09",
    "task_id": "rest"
  },
  "dummy_trs": 0,
  "dvars_nstd": 28.4620448246518,
  "dvars_std": 1.0031584878830073,
  "dvars_vstd": 0.9817304620891371,
  "efc": 0.46426412762377417,
  "fber": 3773.729736328125,
  "fd_mean": 0.09256029199627443,
  "fd_num": 12,
  "fd_perc": 3.3333333333333335,
  "fwhm_avg": 3.0831443219312966,
  "fwhm_x": 2.7679998900095666,
  "fwhm_y": 3.217508205481044,
  "fwhm_z": 3.2639248703032786,
  "gcor": 0.00482601,
  "gsr_x": 0.016118962317705154,
  "gsr_y": 0.054174549877643585,
  "provenance": {
    "md5sum": "cc2033a6da1de62bd78e9dde91a0d648",
    "settings": {
      "fd_thres": 0.2,
      "testing": false
    },
    "software": "mriqc",
    "version": "22.0.6",
    "webapi_port": null,
    "webapi_url": "https://mriqc.nimh.nih.gov/api/v1"
  },
  "size_t": 360,
  "size_x": 90,
  "size_y": 90,
  "size_z": 66,
  "snr": 2.414175416650549,
  "spacing_tr": 0.800000011920929,
  "spacing_x": 2.4000000953674316,
  "spacing_y": 2.4000000953674316,
  "spacing_z": 2.4000000953674316,
  "summary_bg_k": 25.167800390050015,
  "summary_bg_mad": 9.92931724716173,
  "summary_bg_mean": 33.37051773071289,
  "summary_bg_median": 8.630556106567383,
  "summary_bg_n": 371967.0,
  "summary_bg_p05": 1.408333420753479,
  "summary_bg_p95": 163.29722595214844,
  "summary_bg_stdv": 67.46595764160156,
  "summary_fg_k": 1.242456192507925,
  "summary_fg_mad": 183.24140858829446,
  "summary_fg_mean": 577.8482055664062,
  "summary_fg_median": 528.5166625976562,
  "summary_fg_n": 84220.0,
  "summary_fg_p05": 310.5547393798828,
  "summary_fg_p95": 1021.8647247314453,
  "summary_fg_stdv": 218.92092895507812,
  "tsnr": 43.16042150580324
}