{
  "aor": 0.0006458888888888889,
  "aqi": 0.005701613472222223,
  "bids_meta": {
    "DeviceSerialNumber": 67080,
    "DwellTime": 2,
    "EchoTime": 0.03,
    "FlipAngle": 49,
    "InPlanePhaseEncodingDirection": "COL",
    "InstitutionAddress": "E 72nd Street 516,NYC ,NYC,US,10021",
    "InstitutionName": "CBIC",
    "InversionTime": 1060,
    "MagneticFieldStrength": 3,
    "Manufacturer": "Siemens",
    "RepetitionTime": 0.8,
    "ScanOptions": "FS",
    "ScanningSequence": "EP",
    "SequenceVariant": "SK",
    "SoftwareVersions": "syngo MR E11",
    "StationName": "MRTRI03TX72",
    "TaskDescription": "Subjects DID wear a headmold.",
    "TaskName": "rest",
    "acq_id": "moldON",
    "dataset": "ds002735",
    "modality": "bold",
    "run_id": 2,
    "subject_id": "06",
    "task_id": "rest"
  },
  "dummy_trs": 0,
  "dvars_nstd": 31.49840125389975,
  "dvars_std": 1.0428334126462393,
  "dvars_vstd": 1.0056850094150414,
  "efc": 0.498801484141021,
  "fber": 1419.736572265625,
  "fd_mean": 0.09074170864795263,
  "fd_num": 3,
  "fd_perc": 0.8333333333333334,
  "fwhm_avg": 2.937067938846962,
  "fwhm_x": 2.6551498944938223,
  "fwhm_y": 3.158487374492988,
  "fwhm_z": 2.997566547554074,
  "gcor": 0.0303126,
  "gsr_x": -0.012783311307430267,
  "gsr_y": 0.0815078392624855,
  "provenance": {
    "md5sum": "c946d42ec1a48a940053842d32f879a1",
    "settings": {
      "fd_thres": 0.2,
      "testing": false
    },
    "software": "mriqc",
    "version": "22.0.6",
    "webapi_port": null,
    "webapi_url": "https://mriqc.nimh.nih.gov/api/v1"
  },
  "size_t": 360,
  "size_x": 90,
  "size_y": 90,
  "size_z": 66,
  "snr": 2.568343376816423,
  "spacing_tr": 0.800000011920929,
  "spacing_x": 2.4000000953674316,
  "spacing_y": 2.4000000953674316,
  "spacing_z": 2.4000000953674316,
  "summary_bg_k": 16.240717790336312,
  "summary_bg_mad": 15.83089771329276,
  "summary_bg_mean": 45.9962272644043,
  "summary_bg_median": 13.313889503479004,
  "summary_bg_n": 372606.0,
  "summary_bg_p05": 1.6750000715255737,
  "summary_bg_p95": 215.2694549560547,
  "summary_bg_stdv": 80.83578491210938,
  "summary_fg_k": 0.5256652180934451,
  "summary_fg_mad": 190.86856629642878,
  "summary_fg_mean": 551.5473022460938,
  "summary_fg_median": 512.6194458007812,
  "summary_fg_n": 78817.0,
  "summary_fg_p05": 293.8433410644531,
  "summary_fg_p95": 927.0711303710938,
  "summary_fg_stdv": 199.5902099609375,
  "tsnr": 41.84962852858007
}