{
  "aor": 0.00031252777777777784,
  "aqi": 0.009606707027777777,
  "bids_meta": {
    "DeviceSerialNumber": 67080,
    "DwellTime": 2,
    "EchoTime": 0.03,
    "FlipAngle": 49,
    "InPlanePhaseEncodingDirection": "COL",
    "InstitutionAddress": "E 72nd Street 516,NYC ,NYC,US,10021",
    "InstitutionName": "CBIC",
    "InversionTime": 1060,
    "MagneticFieldStrength": 3,
    "Manufacturer": "Siemens",
    "RepetitionTime": 0.8,
    "ScanOptions": "FS",
    "ScanningSequence": "EP",
    "SequenceVariant": "SK",
    "SoftwareVersions": "syngo MR E11",
    "StationName": "MRTRI03TX72",
    "TaskDescription": "Subjects did NOT wear a headmold.",
    "TaskName": "rest",
    "acq_id": "moldOFF",
    "dataset": "ds002735",
    "modality": "bold",
    "run_id": 2,
    "subject_id": "06",
    "task_id": "rest"
  },
  "dummy_trs": 0,
  "dvars_nstd": 34.49152874233983,
  "dvars_std": 1.0065505896100286,
  "dvars_vstd": 0.973046091002786,
  "efc": 0.49769353024016866,
  "fber": 1771.2320556640625,
  "fd_mean": 0.17137986554638604,
  "fd_num": 117,
  "fd_perc": 32.5,
  "fwhm_avg": 2.79962766653057,
  "fwhm_x": 2.5436873989229443,
  "fwhm_y": 2.9957748809586016,
  "fwhm_z": 2.8594207197101627,
  "gcor": 0.0188954,
  "gsr_x": -0.01580171287059784,
  "gsr_y": 0.08314447104930878,
  "provenance": {
    "md5sum": "6c7a540b7713fad2bb21d514e33dbd01",
    "settings": {
      "fd_thres": 0.2,
      "testing": false
    },
    "software": "mriqc",
    "version": "22.0.6",
    "webapi_port": null,
    "webapi_url": "https://mriqc.nimh.nih.gov/api/v1"
  },
  "size_t": 360,
  "size_x": 90,
  "size_y": 90,
  "size_z": 66,
  "snr": 2.7362422151754666,
  "spacing_tr": 0.800000011920929,
  "spacing_x": 2.4000000953674316,
  "spacing_y": 2.4000000953674316,
  "spacing_z": 2.4000000953674316,
  "summary_bg_k": 15.657413361437545,
  "summary_bg_mad": 14.064130163834895,
  "summary_bg_mean": 44.3701171875,
  "summary_bg_median": 11.755556106567383,
  "summary_bg_n": 375890.0,
  "summary_bg_p05": 1.5722222328186035,
  "summary_bg_p95": 219.38722763061497,
  "summary_bg_stdv": 79.71800231933594,
  "summary_fg_k": 0.8543890501573386,
  "summary_fg_mad": 167.60610403686576,
  "summary_fg_mean": 533.3549194335938,
  "summary_fg_median": 499.25970458984375,
  "summary_fg_n": 78548.0,
  "summary_fg_p05": 299.0957015991211,
  "summary_fg_p95": 880.7673675537109,
  "summary_fg_stdv": 182.4606475830078,
  "tsnr": 35.47132796701044
}