{
  "aor": 0.0013948055555555554,
  "aqi": 0.004398636444444445,
  "bids_meta": {
    "DeviceSerialNumber": 67080,
    "DwellTime": 2,
    "EchoTime": 0.03,
    "FlipAngle": 49,
    "InPlanePhaseEncodingDirection": "COL",
    "InstitutionAddress": "E 72nd Street 516,NYC ,NYC,US,10021",
    "InstitutionName": "CBIC",
    "InversionTime": 1060,
    "MagneticFieldStrength": 3,
    "Manufacturer": "Siemens",
    "RepetitionTime": 0.8,
    "ScanOptions": "FS",
    "ScanningSequence": "EP",
    "SequenceVariant": "SK",
    "SoftwareVersions": "syngo MR E11",
    "StationName": "MRTRI03TX72",
    "TaskDescription": "Subjects did NOT wear a headmold.",
    "TaskName": "rest",
    "acq_id": "moldOFF",
    "dataset": "ds002735",
    "modality": "bold",
    "run_id": 2,
    "subject_id": "01",
    "task_id": "rest"
  },
  "dummy_trs": 0,
  "dvars_nstd": 26.867791205153203,
  "dvars_std": 1.056717968523676,
  "dvars_vstd": 1.0151015930640666,
  "efc": 0.42592295807291375,
  "fber": 5916.85302734375,
  "fd_mean": 0.17175761413128376,
  "fd_num": 130,
  "fd_perc": 36.111111111111114,
  "fwhm_avg": 2.880415180906924,
  "fwhm_x": 2.6547746307805693,
  "fwhm_y": 3.185871023226044,
  "fwhm_z": 2.800599888714159,
  "gcor": 0.01339,
  "gsr_x": -0.012094787321984768,
  "gsr_y": 0.06156150996685028,
  "provenance": {
    "md5sum": "bd66648d96af04f2399e4ed6202b1863",
    "settings": {
      "fd_thres": 0.2,
      "testing": false
    },
    "software": "mriqc",
    "version": "22.0.6",
    "webapi_port": null,
    "webapi_url": "https://mriqc.nimh.nih.gov/api/v1"
  },
  "size_t": 360,
  "size_x": 90,
  "size_y": 90,
  "size_z": 66,
  "snr": 2.9605756634404004,
  "spacing_tr": 0.800000011920929,
  "spacing_x": 2.4000003337860107,
  "spacing_y": 2.3999998569488525,
  "spacing_z": 2.4000000953674316,
  "summary_bg_k": 26.643048206302133,
  "summary_bg_mad": 9.661624787176093,
  "summary_bg_mean": 33.30197525024414,
  "summary_bg_median": 8.31944465637207,
  "summary_bg_n": 401222.0,
  "summary_bg_p05": 1.4555555582046509,
  "summary_bg_p95": 158.86930694580064,
  "summary_bg_stdv": 68.98243713378906,
  "summary_fg_k": -0.009671110758763923,
  "summary_fg_mad": 208.7009662589147,
  "summary_fg_mean": 641.4805908203125,
  "summary_fg_median": 605.4569702148438,
  "summary_fg_n": 66312.0,
  "summary_fg_p05": 369.56265411376955,
  "summary_fg_p95": 1011.1497436523438,
  "summary_fg_stdv": 204.5049591064453,
  "tsnr": 49.179912872612476
}