{
  "aor": 0.0005371666666666667,
  "aqi": 0.003278799444444445,
  "bids_meta": {
    "DeviceSerialNumber": 67080,
    "DwellTime": 2,
    "EchoTime": 0.03,
    "FlipAngle": 49,
    "InPlanePhaseEncodingDirection": "COL",
    "InstitutionAddress": "E 72nd Street 516,NYC ,NYC,US,10021",
    "InstitutionName": "CBIC",
    "InversionTime": 1060,
    "MagneticFieldStrength": 3,
    "Manufacturer": "Siemens",
    "RepetitionTime": 0.8,
    "ScanOptions": "FS",
    "ScanningSequence": "EP",
    "SequenceVariant": "SK",
    "SoftwareVersions": "syngo MR E11",
    "StationName": "MRTRI03TX72",
    "TaskDescription": "Subjects DID wear a headmold.",
    "TaskName": "rest",
    "acq_id": "moldON",
    "dataset": "ds002735",
    "modality": "bold",
    "run_id": 2,
    "subject_id": "04",
    "task_id": "rest"
  },
  "dummy_trs": 0,
  "dvars_nstd": 27.629175005431772,
  "dvars_std": 1.0328709970194985,
  "dvars_vstd": 1.0020346330362102,
  "efc": 0.45956365269315874,
  "fber": 4602.87890625,
  "fd_mean": 0.09813413484488402,
  "fd_num": 11,
  "fd_perc": 3.0555555555555554,
  "fwhm_avg": 3.024284602047949,
  "fwhm_x": 2.8132040548799813,
  "fwhm_y": 3.1657915408694133,
  "fwhm_z": 3.0938582103944534,
  "gcor": 0.0175258,
  "gsr_x": -0.018182026222348213,
  "gsr_y": 0.05068511143326759,
  "provenance": {
    "md5sum": "d398718fe42624b6e38593b37c375044",
    "settings": {
      "fd_thres": 0.2,
      "testing": false
    },
    "software": "mriqc",
    "version": "22.0.6",
    "webapi_port": null,
    "webapi_url": "https://mriqc.nimh.nih.gov/api/v1"
  },
  "size_t": 360,
  "size_x": 90,
  "size_y": 90,
  "size_z": 66,
  "snr": 2.5628833679301044,
  "spacing_tr": 0.800000011920929,
  "spacing_x": 2.4000000953674316,
  "spacing_y": 2.4000000953674316,
  "spacing_z": 2.4000000953674316,
  "summary_bg_k": 35.60594519546372,
  "summary_bg_mad": 9.653387644732952,
  "summary_bg_mean": 30.759939193725586,
  "summary_bg_median": 8.461111068725586,
  "summary_bg_n": 373884.0,
  "summary_bg_p05": 1.5805555582046509,
  "summary_bg_p95": 148.97889404296848,
  "summary_bg_stdv": 59.41031265258789,
  "summary_fg_k": 0.5439748974741434,
  "summary_fg_mad": 211.31615205693788,
  "summary_fg_mean": 608.2083129882812,
  "summary_fg_median": 564.2472534179688,
  "summary_fg_n": 87269.0,
  "summary_fg_p05": 326.1766845703125,
  "summary_fg_p95": 1021.2878173828125,
  "summary_fg_stdv": 220.15985107421875,
  "tsnr": 48.48809110932052
}