{
  "aor": 0.000938888888888889,
  "aqi": 0.006506255638888889,
  "bids_meta": {
    "DeviceSerialNumber": 67080,
    "DwellTime": 2,
    "EchoTime": 0.03,
    "FlipAngle": 49,
    "InPlanePhaseEncodingDirection": "COL",
    "InstitutionAddress": "E 72nd Street 516,NYC ,NYC,US,10021",
    "InstitutionName": "CBIC",
    "InversionTime": 1060,
    "MagneticFieldStrength": 3,
    "Manufacturer": "Siemens",
    "RepetitionTime": 0.8,
    "ScanOptions": "FS",
    "ScanningSequence": "EP",
    "SequenceVariant": "SK",
    "SoftwareVersions": "syngo MR E11",
    "StationName": "MRTRI03TX72",
    "TaskDescription": "Subjects did NOT wear a headmold.",
    "TaskName": "rest",
    "acq_id": "moldOFF",
    "dataset": "ds002735",
    "modality": "bold",
    "run_id": 2,
    "subject_id": "04",
    "task_id": "rest"
  },
  "dummy_trs": 0,
  "dvars_nstd": 34.99277326877437,
  "dvars_std": 1.0741803328133703,
  "dvars_vstd": 0.9869171421169913,
  "efc": 0.4602678581064233,
  "fber": 5635.49072265625,
  "fd_mean": 0.18885617539733446,
  "fd_num": 146,
  "fd_perc": 40.55555555555556,
  "fwhm_avg": 3.0431416521129577,
  "fwhm_x": 2.770999889890357,
  "fwhm_y": 3.1461623749827394,
  "fwhm_z": 3.2122626914657766,
  "gcor": 0.0307834,
  "gsr_x": -0.015676224604249,
  "gsr_y": 0.04394359886646271,
  "provenance": {
    "md5sum": "5f6a3070c93778ef65608550e694b1bd",
    "settings": {
      "fd_thres": 0.2,
      "testing": false
    },
    "software": "mriqc",
    "version": "22.0.6",
    "webapi_port": null,
    "webapi_url": "https://mriqc.nimh.nih.gov/api/v1"
  },
  "size_t": 360,
  "size_x": 90,
  "size_y": 90,
  "size_z": 66,
  "snr": 2.5721340967101582,
  "spacing_tr": 0.800000011920929,
  "spacing_x": 2.4000000953674316,
  "spacing_y": 2.4000000953674316,
  "spacing_z": 2.3999998569488525,
  "summary_bg_k": 28.12826727014989,
  "summary_bg_mad": 8.384939288171886,
  "summary_bg_mean": 28.834327697753906,
  "summary_bg_median": 7.486111164093018,
  "summary_bg_n": 370939.0,
  "summary_bg_p05": 1.4194444417953491,
  "summary_bg_p95": 142.34223022460924,
  "summary_bg_stdv": 59.7373161315918,
  "summary_fg_k": 1.6753990433008639,
  "summary_fg_mad": 197.69261763925317,
  "summary_fg_mean": 593.0458984375,
  "summary_fg_median": 553.29443359375,
  "summary_fg_n": 89293.0,
  "summary_fg_p05": 317.4061218261719,
  "summary_fg_p95": 987.5839111328124,
  "summary_fg_stdv": 215.10983276367188,
  "tsnr": 38.980517853749916
}