{
  "aor": 0.0013125555555555555,
  "aqi": 0.004864671694444445,
  "bids_meta": {
    "DeviceSerialNumber": 67080,
    "DwellTime": 2,
    "EchoTime": 0.03,
    "FlipAngle": 49,
    "InPlanePhaseEncodingDirection": "COL",
    "InstitutionAddress": "E 72nd Street 516,NYC ,NYC,US,10021",
    "InstitutionName": "CBIC",
    "InversionTime": 1060,
    "MagneticFieldStrength": 3,
    "Manufacturer": "Siemens",
    "RepetitionTime": 0.8,
    "ScanOptions": "FS",
    "ScanningSequence": "EP",
    "SequenceVariant": "SK",
    "SoftwareVersions": "syngo MR E11",
    "StationName": "MRTRI03TX72",
    "TaskDescription": "Subjects did NOT wear a headmold.",
    "TaskName": "rest",
    "acq_id": "moldOFF",
    "dataset": "ds002735",
    "modality": "bold",
    "run_id": 1,
    "subject_id": "04",
    "task_id": "rest"
  },
  "dummy_trs": 0,
  "dvars_nstd": 31.0937427267131,
  "dvars_std": 1.0701931814763228,
  "dvars_vstd": 1.0065077734261842,
  "efc": 0.4588497763542447,
  "fber": 5714.52392578125,
  "fd_mean": 0.13972093401582522,
  "fd_num": 62,
  "fd_perc": 17.22222222222222,
  "fwhm_avg": 3.034145819156265,
  "fwhm_x": 2.779299889560545,
  "fwhm_y": 3.110295709741286,
  "fwhm_z": 3.212841858166964,
  "gcor": 0.0102569,
  "gsr_x": -0.015303568914532661,
  "gsr_y": 0.04444652423262596,
  "provenance": {
    "md5sum": "5146529db9060df58ed50132fa5528d9",
    "settings": {
      "fd_thres": 0.2,
      "testing": false
    },
    "software": "mriqc",
    "version": "22.0.6",
    "webapi_port": null,
    "webapi_url": "https://mriqc.nimh.nih.gov/api/v1"
  },
  "size_t": 360,
  "size_x": 90,
  "size_y": 90,
  "size_z": 66,
  "snr": 2.5670903725502887,
  "spacing_tr": 0.800000011920929,
  "spacing_x": 2.4000000953674316,
  "spacing_y": 2.4000000953674316,
  "spacing_z": 2.3999998569488525,
  "summary_bg_k": 32.17989792939282,
  "summary_bg_mad": 8.294335846756093,
  "summary_bg_mean": 28.402870178222656,
  "summary_bg_median": 7.386111259460449,
  "summary_bg_n": 371304.0,
  "summary_bg_p05": 1.3972222805023193,
  "summary_bg_p95": 139.24083557128893,
  "summary_bg_stdv": 59.4030876159668,
  "summary_fg_k": 1.8419019235664118,
  "summary_fg_mad": 196.11328069347815,
  "summary_fg_mean": 589.361328125,
  "summary_fg_median": 549.4180908203125,
  "summary_fg_n": 88850.0,
  "summary_fg_p05": 316.60347747802734,
  "summary_fg_p95": 983.2101654052734,
  "summary_fg_stdv": 214.0224609375,
  "tsnr": 42.62104385532439
}