{
  "aor": 0.0005784444444444445,
  "aqi": 0.0036185031388888894,
  "bids_meta": {
    "DeviceSerialNumber": 67080,
    "DwellTime": 2,
    "EchoTime": 0.03,
    "FlipAngle": 49,
    "InPlanePhaseEncodingDirection": "COL",
    "InstitutionAddress": "E 72nd Street 516,NYC ,NYC,US,10021",
    "InstitutionName": "CBIC",
    "InversionTime": 1060,
    "MagneticFieldStrength": 3,
    "Manufacturer": "Siemens",
    "RepetitionTime": 0.8,
    "ScanOptions": "FS",
    "ScanningSequence": "EP",
    "SequenceVariant": "SK",
    "SoftwareVersions": "syngo MR E11",
    "StationName": "MRTRI03TX72",
    "TaskDescription": "Subjects DID wear a headmold.",
    "TaskName": "rest",
    "acq_id": "moldON",
    "dataset": "ds002735",
    "modality": "bold",
    "run_id": 1,
    "subject_id": "04",
    "task_id": "rest"
  },
  "dummy_trs": 0,
  "dvars_nstd": 27.903294332339804,
  "dvars_std": 1.0286157028969356,
  "dvars_vstd": 0.9949556504735375,
  "efc": 0.459472361180352,
  "fber": 4498.69677734375,
  "fd_mean": 0.10085159158386822,
  "fd_num": 9,
  "fd_perc": 2.5,
  "fwhm_avg": 3.035977657138865,
  "fwhm_x": 2.8326457207741056,
  "fwhm_y": 3.165770707536908,
  "fwhm_z": 3.1095165431055807,
  "gcor": 0.00875152,
  "gsr_x": -0.01865985244512558,
  "gsr_y": 0.05130185931921005,
  "provenance": {
    "md5sum": "4e439d5fe84c9d342c05b946d77dcbfc",
    "settings": {
      "fd_thres": 0.2,
      "testing": false
    },
    "software": "mriqc",
    "version": "22.0.6",
    "webapi_port": null,
    "webapi_url": "https://mriqc.nimh.nih.gov/api/v1"
  },
  "size_t": 360,
  "size_x": 90,
  "size_y": 90,
  "size_z": 66,
  "snr": 2.561693584729613,
  "spacing_tr": 0.800000011920929,
  "spacing_x": 2.4000000953674316,
  "spacing_y": 2.4000000953674316,
  "spacing_z": 2.4000000953674316,
  "summary_bg_k": 36.416788898188884,
  "summary_bg_mad": 9.834595588004282,
  "summary_bg_mean": 30.783891677856445,
  "summary_bg_median": 8.563889503479004,
  "summary_bg_n": 374003.0,
  "summary_bg_p05": 1.5611110925674438,
  "summary_bg_p95": 148.71361999511709,
  "summary_bg_stdv": 59.423622131347656,
  "summary_fg_k": 0.5897417869866688,
  "summary_fg_mad": 211.44170812250042,
  "summary_fg_mean": 608.42333984375,
  "summary_fg_median": 564.290283203125,
  "summary_fg_n": 87140.0,
  "summary_fg_p05": 326.6602981567383,
  "summary_fg_p95": 1021.2282012939453,
  "summary_fg_stdv": 220.27890014648438,
  "tsnr": 47.67836689692922
}