{
  "aor": 0.010287083333333334,
  "aqi": 0.008491314444444445,
  "bids_meta": {
    "DeviceSerialNumber": 67080,
    "DwellTime": 2,
    "EchoTime": 0.03,
    "FlipAngle": 49,
    "InPlanePhaseEncodingDirection": "COL",
    "InstitutionAddress": "E 72nd Street 516,NYC ,NYC,US,10021",
    "InstitutionName": "CBIC",
    "InversionTime": 1060,
    "MagneticFieldStrength": 3,
    "Manufacturer": "Siemens",
    "RepetitionTime": 0.8,
    "ScanOptions": "FS",
    "ScanningSequence": "EP",
    "SequenceVariant": "SK",
    "SoftwareVersions": "syngo MR E11",
    "StationName": "MRTRI03TX72",
    "TaskDescription": "Subjects DID wear a headmold.",
    "TaskName": "rest",
    "acq_id": "moldON",
    "dataset": "ds002735",
    "modality": "bold",
    "run_id": 2,
    "subject_id": "08",
    "task_id": "rest"
  },
  "dummy_trs": 0,
  "dvars_nstd": 36.99349155796658,
  "dvars_std": 1.1670043605571034,
  "dvars_vstd": 1.102730752089136,
  "efc": 0.4840184363067986,
  "fber": 1707.46875,
  "fd_mean": 0.29435780044318643,
  "fd_num": 138,
  "fd_perc": 38.333333333333336,
  "fwhm_avg": 3.285958313798195,
  "fwhm_x": 3.004183213957818,
  "fwhm_y": 3.500483194236629,
  "fwhm_z": 3.3532085332001373,
  "gcor": 0.0307871,
  "gsr_x": 0.006392800249159336,
  "gsr_y": 0.05455910414457321,
  "provenance": {
    "md5sum": "4ccc81a6d6e66721512d838baf4dbcb5",
    "settings": {
      "fd_thres": 0.2,
      "testing": false
    },
    "software": "mriqc",
    "version": "22.0.6",
    "webapi_port": null,
    "webapi_url": "https://mriqc.nimh.nih.gov/api/v1"
  },
  "size_t": 360,
  "size_x": 90,
  "size_y": 90,
  "size_z": 66,
  "snr": 2.3984116691779125,
  "spacing_tr": 0.800000011920929,
  "spacing_x": 2.4000000953674316,
  "spacing_y": 2.4000000953674316,
  "spacing_z": 2.3999998569488525,
  "summary_bg_k": 22.417715219765597,
  "summary_bg_mad": 15.019584958292276,
  "summary_bg_mean": 39.6177978515625,
  "summary_bg_median": 13.163888931274414,
  "summary_bg_n": 369189.0,
  "summary_bg_p05": 1.8166667222976685,
  "summary_bg_p95": 170.33334350585938,
  "summary_bg_stdv": 67.81825256347656,
  "summary_fg_k": 0.5524159072516932,
  "summary_fg_mad": 209.3392887716917,
  "summary_fg_mean": 593.8494873046875,
  "summary_fg_median": 543.4861450195312,
  "summary_fg_n": 88177.0,
  "summary_fg_p05": 306.5677917480469,
  "summary_fg_p95": 1027.8917236328123,
  "summary_fg_stdv": 226.6012420654297,
  "tsnr": 33.60890364216175
}