{
  "aor": 0.00040377777777777775,
  "aqi": 0.007390250833333334,
  "bids_meta": {
    "DeviceSerialNumber": 67080,
    "DwellTime": 2,
    "EchoTime": 0.03,
    "FlipAngle": 49,
    "InPlanePhaseEncodingDirection": "COL",
    "InstitutionAddress": "E 72nd Street 516,NYC ,NYC,US,10021",
    "InstitutionName": "CBIC",
    "InversionTime": 1060,
    "MagneticFieldStrength": 3,
    "Manufacturer": "Siemens",
    "RepetitionTime": 0.8,
    "ScanOptions": "FS",
    "ScanningSequence": "EP",
    "SequenceVariant": "SK",
    "SoftwareVersions": "syngo MR E11",
    "StationName": "MRTRI03TX72",
    "TaskDescription": "Subjects did NOT wear a headmold.",
    "TaskName": "rest",
    "acq_id": "moldOFF",
    "dataset": "ds002735",
    "modality": "bold",
    "run_id": 1,
    "subject_id": "06",
    "task_id": "rest"
  },
  "dummy_trs": 0,
  "dvars_nstd": 35.837819027855154,
  "dvars_std": 1.0428049315041776,
  "dvars_vstd": 0.983360767214484,
  "efc": 0.5021918271282787,
  "fber": 1661.8623046875,
  "fd_mean": 0.10444158626800985,
  "fd_num": 23,
  "fd_perc": 6.388888888888889,
  "fwhm_avg": 2.84161655375097,
  "fwhm_x": 2.5881415638231613,
  "fwhm_y": 2.987999881267552,
  "fwhm_z": 2.948708216162196,
  "gcor": 0.0057875,
  "gsr_x": -0.011763100512325764,
  "gsr_y": 0.08748040348291397,
  "provenance": {
    "md5sum": "6bbbec43a1ded2e109e4d360dd7f0328",
    "settings": {
      "fd_thres": 0.2,
      "testing": false
    },
    "software": "mriqc",
    "version": "22.0.6",
    "webapi_port": null,
    "webapi_url": "https://mriqc.nimh.nih.gov/api/v1"
  },
  "size_t": 360,
  "size_x": 90,
  "size_y": 90,
  "size_z": 66,
  "snr": 2.6627952748249064,
  "spacing_tr": 0.800000011920929,
  "spacing_x": 2.4000000953674316,
  "spacing_y": 2.4000000953674316,
  "spacing_z": 2.4000000953674316,
  "summary_bg_k": 17.66783634254806,
  "summary_bg_mad": 13.302237435653941,
  "summary_bg_mean": 40.244476318359375,
  "summary_bg_median": 11.305556297302246,
  "summary_bg_n": 365292.0,
  "summary_bg_p05": 1.5666667222976685,
  "summary_bg_p95": 192.94416503906257,
  "summary_bg_stdv": 72.47013092041016,
  "summary_fg_k": 0.8921378548908145,
  "summary_fg_mad": 164.79950745132462,
  "summary_fg_mean": 515.8994140625,
  "summary_fg_median": 482.05279541015625,
  "summary_fg_n": 81771.0,
  "summary_fg_p05": 283.2875061035156,
  "summary_fg_p95": 862.0653076171875,
  "summary_fg_stdv": 181.03150939941406,
  "tsnr": 37.107889072969556
}