{
  "aor": 0.002034416666666666,
  "aqi": 0.004873774305555556,
  "bids_meta": {
    "DeviceSerialNumber": 67080,
    "DwellTime": 2,
    "EchoTime": 0.03,
    "FlipAngle": 49,
    "InPlanePhaseEncodingDirection": "COL",
    "InstitutionAddress": "E 72nd Street 516,NYC ,NYC,US,10021",
    "InstitutionName": "CBIC",
    "InversionTime": 1060,
    "MagneticFieldStrength": 3,
    "Manufacturer": "Siemens",
    "RepetitionTime": 0.8,
    "ScanOptions": "FS",
    "ScanningSequence": "EP",
    "SequenceVariant": "SK",
    "SoftwareVersions": "syngo MR E11",
    "StationName": "MRTRI03TX72",
    "TaskDescription": "Subjects did NOT wear a headmold.",
    "TaskName": "rest",
    "acq_id": "moldOFF",
    "dataset": "ds002735",
    "modality": "bold",
    "run_id": 1,
    "subject_id": "01",
    "task_id": "rest"
  },
  "dummy_trs": 0,
  "dvars_nstd": 25.944856702089112,
  "dvars_std": 1.055082152618384,
  "dvars_vstd": 1.0256517977994433,
  "efc": 0.42580260315003987,
  "fber": 5885.19873046875,
  "fd_mean": 0.1519619896273471,
  "fd_num": 97,
  "fd_perc": 26.944444444444443,
  "fwhm_avg": 2.9075096245684784,
  "fwhm_x": 2.6821496269733234,
  "fwhm_y": 3.2221168587197977,
  "fwhm_z": 2.818262388012314,
  "gcor": 0.0110037,
  "gsr_x": -0.012315238825976849,
  "gsr_y": 0.06264379620552063,
  "provenance": {
    "md5sum": "d09ff17be3037d54b8289ea964ec483b",
    "settings": {
      "fd_thres": 0.2,
      "testing": false
    },
    "software": "mriqc",
    "version": "22.0.6",
    "webapi_port": null,
    "webapi_url": "https://mriqc.nimh.nih.gov/api/v1"
  },
  "size_t": 360,
  "size_x": 90,
  "size_y": 90,
  "size_z": 66,
  "snr": 2.964098999557885,
  "spacing_tr": 0.800000011920929,
  "spacing_x": 2.4000003337860107,
  "spacing_y": 2.3999998569488525,
  "spacing_z": 2.4000000953674316,
  "summary_bg_k": 25.80678774516584,
  "summary_bg_mad": 9.678098188362588,
  "summary_bg_mean": 32.9837532043457,
  "summary_bg_median": 8.311111450195312,
  "summary_bg_n": 401109.0,
  "summary_bg_p05": 1.4888889789581299,
  "summary_bg_p95": 156.76277465820306,
  "summary_bg_stdv": 67.8560562133789,
  "summary_fg_k": -0.03518341405965453,
  "summary_fg_mad": 208.0956276639017,
  "summary_fg_mean": 639.1473999023438,
  "summary_fg_median": 603.6111450195312,
  "summary_fg_n": 66195.0,
  "summary_fg_p05": 367.10389404296876,
  "summary_fg_p95": 1007.6897460937499,
  "summary_fg_stdv": 203.63914489746094,
  "tsnr": 48.92636317759752
}