{
  "aor": 0.0007388611111111111,
  "aqi": 0.004872901666666666,
  "bids_meta": {
    "DeviceSerialNumber": 67080,
    "DwellTime": 2,
    "EchoTime": 0.03,
    "FlipAngle": 49,
    "InPlanePhaseEncodingDirection": "COL",
    "InstitutionAddress": "E 72nd Street 516,NYC ,NYC,US,10021",
    "InstitutionName": "CBIC",
    "InversionTime": 1060,
    "MagneticFieldStrength": 3,
    "Manufacturer": "Siemens",
    "RepetitionTime": 0.8,
    "ScanOptions": "FS",
    "ScanningSequence": "EP",
    "SequenceVariant": "SK",
    "SoftwareVersions": "syngo MR E11",
    "StationName": "MRTRI03TX72",
    "TaskDescription": "Subjects DID wear a headmold.",
    "TaskName": "rest",
    "acq_id": "moldON",
    "dataset": "ds002735",
    "modality": "bold",
    "run_id": 2,
    "subject_id": "01",
    "task_id": "rest"
  },
  "dummy_trs": 0,
  "dvars_nstd": 25.795907017855153,
  "dvars_std": 1.0307684870752087,
  "dvars_vstd": 1.00459182908078,
  "efc": 0.4276721297875123,
  "fber": 6192.03076171875,
  "fd_mean": 0.13811278694551715,
  "fd_num": 67,
  "fd_perc": 18.61111111111111,
  "fwhm_avg": 2.8595276641503573,
  "fwhm_x": 2.6327998953819316,
  "fwhm_y": 3.136004042053062,
  "fwhm_z": 2.8097790550160786,
  "gcor": 0.0110932,
  "gsr_x": -0.01239490881562233,
  "gsr_y": 0.07568620145320892,
  "provenance": {
    "md5sum": "60ed60626ce3dd7443b67828cbe729b3",
    "settings": {
      "fd_thres": 0.2,
      "testing": false
    },
    "software": "mriqc",
    "version": "22.0.6",
    "webapi_port": null,
    "webapi_url": "https://mriqc.nimh.nih.gov/api/v1"
  },
  "size_t": 360,
  "size_x": 90,
  "size_y": 90,
  "size_z": 66,
  "snr": 3.142934034189266,
  "spacing_tr": 0.800000011920929,
  "spacing_x": 2.4000000953674316,
  "spacing_y": 2.4000000953674316,
  "spacing_z": 2.4000000953674316,
  "summary_bg_k": 35.625558288159674,
  "summary_bg_mad": 8.833838454249154,
  "summary_bg_mean": 31.24910545349121,
  "summary_bg_median": 7.69444465637207,
  "summary_bg_n": 401088.0,
  "summary_bg_p05": 1.4583333730697632,
  "summary_bg_p95": 149.8647247314451,
  "summary_bg_stdv": 64.76454162597656,
  "summary_fg_k": 0.06301148440362647,
  "summary_fg_mad": 187.62333789914135,
  "summary_fg_mean": 607.6726684570312,
  "summary_fg_median": 578.7972412109375,
  "summary_fg_n": 65399.0,
  "summary_fg_p05": 356.8638916015625,
  "summary_fg_p95": 940.1972351074219,
  "summary_fg_stdv": 184.15684509277344,
  "tsnr": 50.53826003102586
}