{
  "aor": 0.00029,
  "aqi": 0.004190139527777777,
  "bids_meta": {
    "DeviceSerialNumber": 67080,
    "DwellTime": 2,
    "EchoTime": 0.03,
    "FlipAngle": 49,
    "InPlanePhaseEncodingDirection": "COL",
    "InstitutionAddress": "E 72nd Street 516,NYC ,NYC,US,10021",
    "InstitutionName": "CBIC",
    "InversionTime": 1060,
    "MagneticFieldStrength": 3,
    "Manufacturer": "Siemens",
    "RepetitionTime": 0.8,
    "ScanOptions": "FS",
    "ScanningSequence": "EP",
    "SequenceVariant": "SK",
    "SoftwareVersions": "syngo MR E11",
    "StationName": "MRTRI03TX72",
    "TaskDescription": "Subjects DID wear a headmold.",
    "TaskName": "rest",
    "acq_id": "moldON",
    "dataset": "ds002735",
    "modality": "bold",
    "run_id": 1,
    "subject_id": "01",
    "task_id": "rest"
  },
  "dummy_trs": 0,
  "dvars_nstd": 25.209984723676882,
  "dvars_std": 1.0239122776880214,
  "dvars_vstd": 1.0009369233147631,
  "efc": 0.4277315224356112,
  "fber": 6070.84912109375,
  "fd_mean": 0.12620637974350318,
  "fd_num": 36,
  "fd_perc": 10.0,
  "fwhm_avg": 2.844724886960789,
  "fwhm_x": 2.627729062250095,
  "fwhm_y": 3.120141542683381,
  "fwhm_z": 2.7863040559488907,
  "gcor": 0.00345058,
  "gsr_x": -0.012243466451764107,
  "gsr_y": 0.0766071155667305,
  "provenance": {
    "md5sum": "f5061695aeed6f1f40c8c0d2282ee4a3",
    "settings": {
      "fd_thres": 0.2,
      "testing": false
    },
    "software": "mriqc",
    "version": "22.0.6",
    "webapi_port": null,
    "webapi_url": "https://mriqc.nimh.nih.gov/api/v1"
  },
  "size_t": 360,
  "size_x": 90,
  "size_y": 90,
  "size_z": 66,
  "snr": 3.1581801546001906,
  "spacing_tr": 0.800000011920929,
  "spacing_x": 2.4000000953674316,
  "spacing_y": 2.4000000953674316,
  "spacing_z": 2.4000000953674316,
  "summary_bg_k": 36.74319997605982,
  "summary_bg_mad": 8.862666508660618,
  "summary_bg_mean": 30.879188537597656,
  "summary_bg_median": 7.711111068725586,
  "summary_bg_n": 400362.0,
  "summary_bg_p05": 1.4611111879348755,
  "summary_bg_p95": 147.56041717529232,
  "summary_bg_stdv": 64.10338592529297,
  "summary_fg_k": 0.04456440128357819,
  "summary_fg_mad": 186.39193830261888,
  "summary_fg_mean": 606.0067749023438,
  "summary_fg_median": 577.4722290039062,
  "summary_fg_n": 65415.0,
  "summary_fg_p05": 357.201123046875,
  "summary_fg_p95": 936.2744689941405,
  "summary_fg_stdv": 182.84828186035156,
  "tsnr": 54.155569557566196
}