{
  "aor": 0.0028901944444444444,
  "aqi": 0.007581422805555555,
  "bids_meta": {
    "DeviceSerialNumber": 67080,
    "DwellTime": 2,
    "EchoTime": 0.03,
    "FlipAngle": 49,
    "InPlanePhaseEncodingDirection": "COL",
    "InstitutionAddress": "E 72nd Street 516,NYC ,NYC,US,10021",
    "InstitutionName": "CBIC",
    "InversionTime": 1060,
    "MagneticFieldStrength": 3,
    "Manufacturer": "Siemens",
    "RepetitionTime": 0.8,
    "ScanOptions": "FS",
    "ScanningSequence": "EP",
    "SequenceVariant": "SK",
    "SoftwareVersions": "syngo MR E11",
    "StationName": "MRTRI03TX72",
    "TaskDescription": "Subjects did NOT wear a headmold.",
    "TaskName": "rest",
    "acq_id": "moldOFF",
    "dataset": "ds002735",
    "modality": "bold",
    "run_id": 2,
    "subject_id": "08",
    "task_id": "rest"
  },
  "dummy_trs": 0,
  "dvars_nstd": 33.58110839598888,
  "dvars_std": 1.026508817771588,
  "dvars_vstd": 0.9627143929247912,
  "efc": 0.48346937076887503,
  "fber": 1930.7259521484375,
  "fd_mean": 0.207776383776025,
  "fd_num": 176,
  "fd_perc": 48.888888888888886,
  "fwhm_avg": 3.2501804264049894,
  "fwhm_x": 2.9694248820056566,
  "fwhm_y": 3.5223290267018865,
  "fwhm_z": 3.258787370507424,
  "gcor": 0.0164145,
  "gsr_x": 0.004723148886114359,
  "gsr_y": 0.05627967044711113,
  "provenance": {
    "md5sum": "dd33f2180107ce4e341778150c6fbb9a",
    "settings": {
      "fd_thres": 0.2,
      "testing": false
    },
    "software": "mriqc",
    "version": "22.0.6",
    "webapi_port": null,
    "webapi_url": "https://mriqc.nimh.nih.gov/api/v1"
  },
  "size_t": 360,
  "size_x": 90,
  "size_y": 90,
  "size_z": 66,
  "snr": 2.33098217750607,
  "spacing_tr": 0.800000011920929,
  "spacing_x": 2.4000000953674316,
  "spacing_y": 2.4000000953674316,
  "spacing_z": 2.4000000953674316,
  "summary_bg_k": 18.596831441928245,
  "summary_bg_mad": 15.003110319926078,
  "summary_bg_mean": 41.369815826416016,
  "summary_bg_median": 12.883333206176758,
  "summary_bg_n": 367734.0,
  "summary_bg_p05": 1.7416666746139526,
  "summary_bg_p95": 185.2388916015625,
  "summary_bg_stdv": 71.64592742919922,
  "summary_fg_k": 0.7050198330071358,
  "summary_fg_mad": 224.1035961915487,
  "summary_fg_mean": 619.6652221679688,
  "summary_fg_median": 564.8722534179688,
  "summary_fg_n": 89141.0,
  "summary_fg_p05": 316.9444580078125,
  "summary_fg_p95": 1078.3416748046875,
  "summary_fg_stdv": 242.3309326171875,
  "tsnr": 37.32734430767596
}