{
  "aor": 0.004490361111111111,
  "aqi": 0.005989388388888888,
  "bids_meta": {
    "DeviceSerialNumber": 67080,
    "DwellTime": 2,
    "EchoTime": 0.03,
    "FlipAngle": 49,
    "InPlanePhaseEncodingDirection": "COL",
    "InstitutionAddress": "E 72nd Street 516,NYC ,NYC,US,10021",
    "InstitutionName": "CBIC",
    "InversionTime": 1060,
    "MagneticFieldStrength": 3,
    "Manufacturer": "Siemens",
    "RepetitionTime": 0.8,
    "ScanOptions": "FS",
    "ScanningSequence": "EP",
    "SequenceVariant": "SK",
    "SoftwareVersions": "syngo MR E11",
    "StationName": "MRTRI03TX72",
    "TaskDescription": "Subjects did NOT wear a headmold.",
    "TaskName": "rest",
    "acq_id": "moldOFF",
    "dataset": "ds002735",
    "modality": "bold",
    "run_id": 1,
    "subject_id": "08",
    "task_id": "rest"
  },
  "dummy_trs": 0,
  "dvars_nstd": 34.53996714133702,
  "dvars_std": 1.122004236713091,
  "dvars_vstd": 1.0385047538440104,
  "efc": 0.47784934777165783,
  "fber": 2192.286865234375,
  "fd_mean": 0.19117045193311208,
  "fd_num": 93,
  "fd_perc": 25.833333333333332,
  "fwhm_avg": 3.1814623735800436,
  "fwhm_x": 2.9630207155934687,
  "fwhm_y": 3.332649867572392,
  "fwhm_z": 3.24871653757427,
  "gcor": 0.0299734,
  "gsr_x": 0.003796911798417568,
  "gsr_y": 0.031547244638204575,
  "provenance": {
    "md5sum": "5df90634ca3e7ee38a9407db5bf23ab1",
    "settings": {
      "fd_thres": 0.2,
      "testing": false
    },
    "software": "mriqc",
    "version": "22.0.6",
    "webapi_port": null,
    "webapi_url": "https://mriqc.nimh.nih.gov/api/v1"
  },
  "size_t": 360,
  "size_x": 90,
  "size_y": 90,
  "size_z": 66,
  "snr": 2.328446640652512,
  "spacing_tr": 0.800000011920929,
  "spacing_x": 2.4000000953674316,
  "spacing_y": 2.4000000953674316,
  "spacing_z": 2.4000000953674316,
  "summary_bg_k": 17.424338399163968,
  "summary_bg_mad": 14.77660321867623,
  "summary_bg_mean": 43.29943084716797,
  "summary_bg_median": 12.575000762939453,
  "summary_bg_n": 372442.0,
  "summary_bg_p05": 1.7277778387069702,
  "summary_bg_p95": 202.66903228759776,
  "summary_bg_stdv": 76.2935791015625,
  "summary_fg_k": 0.3727332293372667,
  "summary_fg_mad": 247.73048775924627,
  "summary_fg_mean": 639.4658813476562,
  "summary_fg_median": 588.1278076171875,
  "summary_fg_n": 85947.0,
  "summary_fg_p05": 319.77666015625,
  "summary_fg_p95": 1114.0014404296874,
  "summary_fg_stdv": 252.58229064941406,
  "tsnr": 38.94749111123383
}