{
  "aor": 0.0008179722222222222,
  "aqi": 0.00917628225,
  "bids_meta": {
    "DeviceSerialNumber": 67080,
    "DwellTime": 2,
    "EchoTime": 0.03,
    "FlipAngle": 49,
    "InPlanePhaseEncodingDirection": "COL",
    "InstitutionAddress": "E 72nd Street 516,NYC ,NYC,US,10021",
    "InstitutionName": "CBIC",
    "InversionTime": 1060,
    "MagneticFieldStrength": 3,
    "Manufacturer": "Siemens",
    "RepetitionTime": 0.8,
    "ScanOptions": "FS",
    "ScanningSequence": "EP",
    "SequenceVariant": "SK",
    "SoftwareVersions": "syngo MR E11",
    "StationName": "MRTRI03TX72",
    "TaskDescription": "Subjects DID wear a headmold.",
    "TaskName": "rest",
    "acq_id": "moldON",
    "dataset": "ds002735",
    "modality": "bold",
    "run_id": 1,
    "subject_id": "08",
    "task_id": "rest"
  },
  "dummy_trs": 0,
  "dvars_nstd": 33.67817329350975,
  "dvars_std": 0.9729137897771585,
  "dvars_vstd": 0.940657665403899,
  "efc": 0.4834176237216823,
  "fber": 1872.86181640625,
  "fd_mean": 0.21421341219774892,
  "fd_num": 120,
  "fd_perc": 33.333333333333336,
  "fwhm_avg": 3.158302652278106,
  "fwhm_x": 2.924170717137229,
  "fwhm_y": 3.30835820187099,
  "fwhm_z": 3.2423790378260997,
  "gcor": 0.039691,
  "gsr_x": 0.00017036177450791,
  "gsr_y": 0.04408349469304085,
  "provenance": {
    "md5sum": "314dab01693f1fd0223e16a94d2bae93",
    "settings": {
      "fd_thres": 0.2,
      "testing": false
    },
    "software": "mriqc",
    "version": "22.0.6",
    "webapi_port": null,
    "webapi_url": "https://mriqc.nimh.nih.gov/api/v1"
  },
  "size_t": 360,
  "size_x": 90,
  "size_y": 90,
  "size_z": 66,
  "snr": 2.4845800082974456,
  "spacing_tr": 0.800000011920929,
  "spacing_x": 2.4000000953674316,
  "spacing_y": 2.4000000953674316,
  "spacing_z": 2.4000000953674316,
  "summary_bg_k": 23.75944030036823,
  "summary_bg_mad": 15.225501854533627,
  "summary_bg_mean": 41.43130874633789,
  "summary_bg_median": 13.005556106567383,
  "summary_bg_n": 372654.0,
  "summary_bg_p05": 1.75,
  "summary_bg_p95": 186.18180694580033,
  "summary_bg_stdv": 71.0845947265625,
  "summary_fg_k": 0.34875477454810655,
  "summary_fg_mad": 218.51497128843056,
  "summary_fg_mean": 602.2607421875,
  "summary_fg_median": 557.8333740234375,
  "summary_fg_n": 86303.0,
  "summary_fg_p05": 311.6222229003906,
  "summary_fg_p95": 1025.3795043945313,
  "summary_fg_stdv": 224.51687622070312,
  "tsnr": 30.616144261322916
}