{
  "aor": 0.004269166666666666,
  "aqi": 0.0046563725,
  "bids_meta": {
    "DeviceSerialNumber": 67080,
    "DwellTime": 2,
    "EchoTime": 0.03,
    "FlipAngle": 49,
    "InPlanePhaseEncodingDirection": "COL",
    "InstitutionAddress": "E 72nd Street 516,NYC ,NYC,US,10021",
    "InstitutionName": "CBIC",
    "InversionTime": 1060,
    "MagneticFieldStrength": 3,
    "Manufacturer": "Siemens",
    "RepetitionTime": 0.8,
    "ScanOptions": "FS",
    "ScanningSequence": "EP",
    "SequenceVariant": "SK",
    "SoftwareVersions": "syngo MR E11",
    "StationName": "MRTRI03TX72",
    "TaskDescription": "Subjects DID wear a headmold.",
    "TaskName": "rest",
    "acq_id": "moldON",
    "dataset": "ds002735",
    "modality": "bold",
    "run_id": 1,
    "subject_id": "10",
    "task_id": "rest"
  },
  "dummy_trs": 0,
  "dvars_nstd": 28.66344453484681,
  "dvars_std": 1.1072853780222842,
  "dvars_vstd": 1.0443465311420606,
  "efc": 0.47180395594521757,
  "fber": 4403.23828125,
  "fd_mean": 0.11500125047851982,
  "fd_num": 33,
  "fd_perc": 9.166666666666666,
  "fwhm_avg": 3.1938345953106384,
  "fwhm_x": 2.914966550836303,
  "fwhm_y": 3.368349866153802,
  "fwhm_z": 3.298187368941809,
  "gcor": 0.0137578,
  "gsr_x": -0.016585927456617355,
  "gsr_y": 0.04996120184659958,
  "provenance": {
    "md5sum": "f7e1de875d0061d67fb1803af238068c",
    "settings": {
      "fd_thres": 0.2,
      "testing": false
    },
    "software": "mriqc",
    "version": "22.0.6",
    "webapi_port": null,
    "webapi_url": "https://mriqc.nimh.nih.gov/api/v1"
  },
  "size_t": 360,
  "size_x": 90,
  "size_y": 90,
  "size_z": 66,
  "snr": 2.368398145826947,
  "spacing_tr": 0.800000011920929,
  "spacing_x": 2.4000000953674316,
  "spacing_y": 2.4000000953674316,
  "spacing_z": 2.4000000953674316,
  "summary_bg_k": 33.31789353497218,
  "summary_bg_mad": 10.320560127676112,
  "summary_bg_mean": 29.795080184936523,
  "summary_bg_median": 9.08055591583252,
  "summary_bg_n": 356814.0,
  "summary_bg_p05": 1.5861111879348755,
  "summary_bg_p95": 134.71389770507812,
  "summary_bg_stdv": 59.196224212646484,
  "summary_fg_k": 0.8427993186457869,
  "summary_fg_mad": 230.87005010321596,
  "summary_fg_mean": 657.8497924804688,
  "summary_fg_median": 597.897216796875,
  "summary_fg_n": 101193.0,
  "summary_fg_p05": 351.2616638183594,
  "summary_fg_p95": 1144.4128417968743,
  "summary_fg_stdv": 252.44668579101562,
  "tsnr": 45.17691240739077
}