{
  "aor": 0.0005408333333333333,
  "aqi": 0.004605032833333333,
  "bids_meta": {
    "DeviceSerialNumber": 67080,
    "DwellTime": 2,
    "EchoTime": 0.03,
    "FlipAngle": 49,
    "InPlanePhaseEncodingDirection": "COL",
    "InstitutionAddress": "E 72nd Street 516,NYC ,NYC,US,10021",
    "InstitutionName": "CBIC",
    "InversionTime": 1060,
    "MagneticFieldStrength": 3,
    "Manufacturer": "Siemens",
    "RepetitionTime": 0.8,
    "ScanOptions": "FS",
    "ScanningSequence": "EP",
    "SequenceVariant": "SK",
    "SoftwareVersions": "syngo MR E11",
    "StationName": "MRTRI03TX72",
    "TaskDescription": "Subjects did NOT wear a headmold.",
    "TaskName": "rest",
    "acq_id": "moldOFF",
    "dataset": "ds002735",
    "modality": "bold",
    "run_id": 1,
    "subject_id": "10",
    "task_id": "rest"
  },
  "dummy_trs": 0,
  "dvars_nstd": 28.95223192520892,
  "dvars_std": 1.096821430891366,
  "dvars_vstd": 0.9977542118384393,
  "efc": 0.471084054265192,
  "fber": 5705.560546875,
  "fd_mean": 0.10835032005808284,
  "fd_num": 17,
  "fd_perc": 4.722222222222222,
  "fwhm_avg": 3.039190157011211,
  "fwhm_x": 2.8096915550195556,
  "fwhm_y": 3.207441539214391,
  "fwhm_z": 3.1004373767996873,
  "gcor": 0.0119262,
  "gsr_x": -0.012763174250721931,
  "gsr_y": 0.04902759566903114,
  "provenance": {
    "md5sum": "eedea8b6745aeee618d1c292ccec1ee9",
    "settings": {
      "fd_thres": 0.2,
      "testing": false
    },
    "software": "mriqc",
    "version": "22.0.6",
    "webapi_port": null,
    "webapi_url": "https://mriqc.nimh.nih.gov/api/v1"
  },
  "size_t": 360,
  "size_x": 90,
  "size_y": 90,
  "size_z": 66,
  "snr": 2.594862679638629,
  "spacing_tr": 0.800000011920929,
  "spacing_x": 2.4000000953674316,
  "spacing_y": 2.4000000953674316,
  "spacing_z": 2.4000000953674316,
  "summary_bg_k": 35.91561486219378,
  "summary_bg_mad": 9.002690507115815,
  "summary_bg_mean": 27.597185134887695,
  "summary_bg_median": 7.988889217376709,
  "summary_bg_n": 357978.0,
  "summary_bg_p05": 1.4611111879348755,
  "summary_bg_p95": 129.61944580078125,
  "summary_bg_stdv": 56.06147003173828,
  "summary_fg_k": 0.45633066838111214,
  "summary_fg_mad": 214.98761501841696,
  "summary_fg_mean": 642.2789306640625,
  "summary_fg_median": 592.4166870117188,
  "summary_fg_n": 100184.0,
  "summary_fg_p05": 354.89569396972655,
  "summary_fg_p95": 1079.2326477050779,
  "summary_fg_stdv": 228.3025360107422,
  "tsnr": 47.27778321132064
}