{
  "aor": 0.0016463611111111112,
  "aqi": 0.008748073333333333,
  "bids_meta": {
    "DeviceSerialNumber": 67080,
    "DwellTime": 2,
    "EchoTime": 0.03,
    "FlipAngle": 49,
    "InPlanePhaseEncodingDirection": "COL",
    "InstitutionAddress": "E 72nd Street 516,NYC ,NYC,US,10021",
    "InstitutionName": "CBIC",
    "InversionTime": 1060,
    "MagneticFieldStrength": 3,
    "Manufacturer": "Siemens",
    "RepetitionTime": 0.8,
    "ScanOptions": "FS",
    "ScanningSequence": "EP",
    "SequenceVariant": "SK",
    "SoftwareVersions": "syngo MR E11",
    "StationName": "MRTRI03TX72",
    "TaskDescription": "Subjects did NOT wear a headmold.",
    "TaskName": "rest",
    "acq_id": "moldOFF",
    "dataset": "ds002735",
    "modality": "bold",
    "run_id": 2,
    "subject_id": "10",
    "task_id": "rest"
  },
  "dummy_trs": 0,
  "dvars_nstd": 32.92198036103062,
  "dvars_std": 1.0249803402506967,
  "dvars_vstd": 0.9793721405013929,
  "efc": 0.47636392397176275,
  "fber": 5353.61328125,
  "fd_mean": 0.16172768812259974,
  "fd_num": 66,
  "fd_perc": 18.333333333333332,
  "fwhm_avg": 3.0305012684675874,
  "fwhm_x": 2.791529055741268,
  "fwhm_y": 3.092466543783087,
  "fwhm_z": 3.2075082058784083,
  "gcor": 0.0151971,
  "gsr_x": -0.014039266854524612,
  "gsr_y": 0.03840268775820732,
  "provenance": {
    "md5sum": "3e112e49a28591afb2f08da05f4e816f",
    "settings": {
      "fd_thres": 0.2,
      "testing": false
    },
    "software": "mriqc",
    "version": "22.0.6",
    "webapi_port": null,
    "webapi_url": "https://mriqc.nimh.nih.gov/api/v1"
  },
  "size_t": 360,
  "size_x": 90,
  "size_y": 90,
  "size_z": 66,
  "snr": 2.684855241872686,
  "spacing_tr": 0.800000011920929,
  "spacing_x": 2.4000000953674316,
  "spacing_y": 2.4000000953674316,
  "spacing_z": 2.4000000953674316,
  "summary_bg_k": 35.81121613434,
  "summary_bg_mad": 8.553791871258419,
  "summary_bg_mean": 26.18502426147461,
  "summary_bg_median": 7.700000286102295,
  "summary_bg_n": 357317.0,
  "summary_bg_p05": 1.4583333730697632,
  "summary_bg_p95": 123.09500122070315,
  "summary_bg_stdv": 51.78905487060547,
  "summary_fg_k": 0.9383451853466296,
  "summary_fg_mad": 192.93184835112518,
  "summary_fg_mean": 593.6209716796875,
  "summary_fg_median": 553.8027954101562,
  "summary_fg_n": 101347.0,
  "summary_fg_p05": 333.7083435058594,
  "summary_fg_p95": 985.0442077636718,
  "summary_fg_stdv": 206.26812744140625,
  "tsnr": 34.90810647374019
}