{
  "aor": 0.0005967222222222222,
  "aqi": 0.0036894874444444443,
  "bids_meta": {
    "DeviceSerialNumber": 67080,
    "DwellTime": 2,
    "EchoTime": 0.03,
    "FlipAngle": 49,
    "InPlanePhaseEncodingDirection": "COL",
    "InstitutionAddress": "E 72nd Street 516,NYC ,NYC,US,10021",
    "InstitutionName": "CBIC",
    "InversionTime": 1060,
    "MagneticFieldStrength": 3,
    "Manufacturer": "Siemens",
    "RepetitionTime": 0.8,
    "ScanOptions": "FS",
    "ScanningSequence": "EP",
    "SequenceVariant": "SK",
    "SoftwareVersions": "syngo MR E11",
    "StationName": "MRTRI03TX72",
    "TaskDescription": "Subjects DID wear a headmold.",
    "TaskName": "rest",
    "acq_id": "moldON",
    "dataset": "ds002735",
    "modality": "bold",
    "run_id": 2,
    "subject_id": "10",
    "task_id": "rest"
  },
  "dummy_trs": 0,
  "dvars_nstd": 26.448757495682464,
  "dvars_std": 1.0615291678272982,
  "dvars_vstd": 1.0018665584401119,
  "efc": 0.4730945435048019,
  "fber": 4784.3154296875,
  "fd_mean": 0.071194903255712,
  "fd_num": 1,
  "fd_perc": 0.2777777777777778,
  "fwhm_avg": 3.1885097052277587,
  "fwhm_x": 2.9162790507841487,
  "fwhm_y": 3.336254034095842,
  "fwhm_z": 3.312996030803285,
  "gcor": 0.00897237,
  "gsr_x": -0.019596800208091736,
  "gsr_y": 0.05430319905281067,
  "provenance": {
    "md5sum": "4fbc3c7367f81f4d7c326cc32a7c4074",
    "settings": {
      "fd_thres": 0.2,
      "testing": false
    },
    "software": "mriqc",
    "version": "22.0.6",
    "webapi_port": null,
    "webapi_url": "https://mriqc.nimh.nih.gov/api/v1"
  },
  "size_t": 360,
  "size_x": 90,
  "size_y": 90,
  "size_z": 66,
  "snr": 2.380270042975702,
  "spacing_tr": 0.800000011920929,
  "spacing_x": 2.4000000953674316,
  "spacing_y": 2.4000000953674316,
  "spacing_z": 2.3999998569488525,
  "summary_bg_k": 33.763554725605495,
  "summary_bg_mad": 10.324677991937854,
  "summary_bg_mean": 30.76639747619629,
  "summary_bg_median": 8.919445037841797,
  "summary_bg_n": 357958.0,
  "summary_bg_p05": 1.4972223043441772,
  "summary_bg_p95": 143.51472091674785,
  "summary_bg_stdv": 58.07396697998047,
  "summary_fg_k": 0.5652389345701239,
  "summary_fg_mad": 243.9622222023542,
  "summary_fg_mean": 659.6547241210938,
  "summary_fg_median": 604.4639282226562,
  "summary_fg_n": 100669.0,
  "summary_fg_p05": 345.40167236328125,
  "summary_fg_p95": 1137.6210937499998,
  "summary_fg_stdv": 253.9463653564453,
  "tsnr": 48.814742277609184
}