{
  "aor": 0.0019934166666666668,
  "aqi": 0.009541031861111111,
  "bids_meta": {
    "DeviceSerialNumber": 67080,
    "DwellTime": 2,
    "EchoTime": 0.03,
    "FlipAngle": 49,
    "InPlanePhaseEncodingDirection": "COL",
    "InstitutionAddress": "E 72nd Street 516,NYC ,NYC,US,10021",
    "InstitutionName": "CBIC",
    "InversionTime": 1060,
    "MagneticFieldStrength": 3,
    "Manufacturer": "Siemens",
    "RepetitionTime": 0.8,
    "ScanOptions": "FS",
    "ScanningSequence": "EP",
    "SequenceVariant": "SK",
    "SoftwareVersions": "syngo MR E11",
    "StationName": "MRTRI03TX72",
    "TaskDescription": "Subjects DID wear a headmold.",
    "TaskName": "rest",
    "acq_id": "moldON",
    "dataset": "ds002735",
    "modality": "bold",
    "run_id": 2,
    "subject_id": "11",
    "task_id": "rest"
  },
  "dummy_trs": 0,
  "dvars_nstd": 32.88071377905295,
  "dvars_std": 1.0287403807520887,
  "dvars_vstd": 0.9945433687743734,
  "efc": 0.4442940712224639,
  "fber": 4636.11767578125,
  "fd_mean": 0.1294403506417078,
  "fd_num": 44,
  "fd_perc": 12.222222222222221,
  "fwhm_avg": 2.959742937945938,
  "fwhm_x": 2.7103582256333736,
  "fwhm_y": 3.01970821334091,
  "fwhm_z": 3.1491623748635305,
  "gcor": 0.017024,
  "gsr_x": -0.013948436826467514,
  "gsr_y": 0.049127161502838135,
  "provenance": {
    "md5sum": "5c47ed9b2126e0df25210124986994d3",
    "settings": {
      "fd_thres": 0.2,
      "testing": false
    },
    "software": "mriqc",
    "version": "22.0.6",
    "webapi_port": null,
    "webapi_url": "https://mriqc.nimh.nih.gov/api/v1"
  },
  "size_t": 360,
  "size_x": 90,
  "size_y": 90,
  "size_z": 66,
  "snr": 3.0204705526218896,
  "spacing_tr": 0.800000011920929,
  "spacing_x": 2.4000000953674316,
  "spacing_y": 2.4000000953674316,
  "spacing_z": 2.4000000953674316,
  "summary_bg_k": 48.75613167710897,
  "summary_bg_mad": 9.455707537454826,
  "summary_bg_mean": 26.8945255279541,
  "summary_bg_median": 8.144444465637207,
  "summary_bg_n": 387031.0,
  "summary_bg_p05": 1.4416667222976685,
  "summary_bg_p95": 122.66806030273438,
  "summary_bg_stdv": 51.626766204833984,
  "summary_fg_k": 0.4736971294928747,
  "summary_fg_mad": 172.19602658497064,
  "summary_fg_mean": 572.3257446289062,
  "summary_fg_median": 539.8861083984375,
  "summary_fg_n": 77168.0,
  "summary_fg_p05": 334.9716735839844,
  "summary_fg_p95": 907.600997924804,
  "summary_fg_stdv": 178.74122619628906,
  "tsnr": 33.294810622464865
}