{
  "aor": 0.0034364444444444442,
  "aqi": 0.009256904694444443,
  "bids_meta": {
    "DeviceSerialNumber": 67080,
    "DwellTime": 2,
    "EchoTime": 0.03,
    "FlipAngle": 49,
    "InPlanePhaseEncodingDirection": "COL",
    "InstitutionAddress": "E 72nd Street 516,NYC ,NYC,US,10021",
    "InstitutionName": "CBIC",
    "InversionTime": 1060,
    "MagneticFieldStrength": 3,
    "Manufacturer": "Siemens",
    "RepetitionTime": 0.8,
    "ScanOptions": "FS",
    "ScanningSequence": "EP",
    "SequenceVariant": "SK",
    "SoftwareVersions": "syngo MR E11",
    "StationName": "MRTRI03TX72",
    "TaskDescription": "Subjects DID wear a headmold.",
    "TaskName": "rest",
    "acq_id": "moldON",
    "dataset": "ds002735",
    "modality": "bold",
    "run_id": 1,
    "subject_id": "11",
    "task_id": "rest"
  },
  "dummy_trs": 0,
  "dvars_nstd": 35.98036839922005,
  "dvars_std": 1.0750025177158768,
  "dvars_vstd": 1.0282717118662952,
  "efc": 0.44353457444370575,
  "fber": 6469.8916015625,
  "fd_mean": 0.20928751384654246,
  "fd_num": 113,
  "fd_perc": 31.38888888888889,
  "fwhm_avg": 2.8907318295770814,
  "fwhm_x": 2.665949894064669,
  "fwhm_y": 3.0051540472525735,
  "fwhm_z": 3.0010915474140027,
  "gcor": 0.0363717,
  "gsr_x": -0.005813831463456154,
  "gsr_y": 0.06494759023189545,
  "provenance": {
    "md5sum": "1abea61be9c2979b97d5a455e4ae943c",
    "settings": {
      "fd_thres": 0.2,
      "testing": false
    },
    "software": "mriqc",
    "version": "22.0.6",
    "webapi_port": null,
    "webapi_url": "https://mriqc.nimh.nih.gov/api/v1"
  },
  "size_t": 360,
  "size_x": 90,
  "size_y": 90,
  "size_z": 66,
  "snr": 3.2634259770291774,
  "spacing_tr": 0.800000011920929,
  "spacing_x": 2.4000000953674316,
  "spacing_y": 2.4000000953674316,
  "spacing_z": 2.4000000953674316,
  "summary_bg_k": 47.032467182712026,
  "summary_bg_mad": 7.478904520534037,
  "summary_bg_mean": 22.834671020507812,
  "summary_bg_median": 6.7166666984558105,
  "summary_bg_n": 382000.0,
  "summary_bg_p05": 1.3861111402511597,
  "summary_bg_p95": 99.2838886260985,
  "summary_bg_stdv": 47.016605377197266,
  "summary_fg_k": 0.23451381587515563,
  "summary_fg_mad": 156.57108323679014,
  "summary_fg_mean": 559.537353515625,
  "summary_fg_median": 531.29443359375,
  "summary_fg_n": 79383.0,
  "summary_fg_p05": 339.21278686523436,
  "summary_fg_p95": 868.0833740234375,
  "summary_fg_stdv": 162.8016357421875,
  "tsnr": 34.67946796678007
}