{
  "aor": 0.004576638888888889,
  "aqi": 0.017058286527777775,
  "bids_meta": {
    "DeviceSerialNumber": 67080,
    "DwellTime": 2,
    "EchoTime": 0.03,
    "FlipAngle": 49,
    "InPlanePhaseEncodingDirection": "COL",
    "InstitutionAddress": "E 72nd Street 516,NYC ,NYC,US,10021",
    "InstitutionName": "CBIC",
    "InversionTime": 1060,
    "MagneticFieldStrength": 3,
    "Manufacturer": "Siemens",
    "RepetitionTime": 0.8,
    "ScanOptions": "FS",
    "ScanningSequence": "EP",
    "SequenceVariant": "SK",
    "SoftwareVersions": "syngo MR E11",
    "StationName": "MRTRI03TX72",
    "TaskDescription": "Subjects did NOT wear a headmold.",
    "TaskName": "rest",
    "acq_id": "moldOFF",
    "dataset": "ds002735",
    "modality": "bold",
    "run_id": 2,
    "subject_id": "11",
    "task_id": "rest"
  },
  "dummy_trs": 0,
  "dvars_nstd": 38.821374670000004,
  "dvars_std": 0.9659929175766022,
  "dvars_vstd": 0.9620249112534827,
  "efc": 0.43804305830145446,
  "fber": 4801.02197265625,
  "fd_mean": 0.300545933167398,
  "fd_num": 197,
  "fd_perc": 54.72222222222222,
  "fwhm_avg": 3.086845710673105,
  "fwhm_x": 2.851929053341188,
  "fwhm_y": 3.0525748787015723,
  "fwhm_z": 3.3560331999765554,
  "gcor": 0.0237433,
  "gsr_x": -0.012137146666646004,
  "gsr_y": 0.053254980593919754,
  "provenance": {
    "md5sum": "4a9634233688c191c4015e2dd73af820",
    "settings": {
      "fd_thres": 0.2,
      "testing": false
    },
    "software": "mriqc",
    "version": "22.0.6",
    "webapi_port": null,
    "webapi_url": "https://mriqc.nimh.nih.gov/api/v1"
  },
  "size_t": 360,
  "size_x": 90,
  "size_y": 90,
  "size_z": 66,
  "snr": 2.7895915625679497,
  "spacing_tr": 0.800000011920929,
  "spacing_x": 2.4000000953674316,
  "spacing_y": 2.4000000953674316,
  "spacing_z": 2.4000000953674316,
  "summary_bg_k": 56.00852540703138,
  "summary_bg_mad": 9.3156840692195,
  "summary_bg_mean": 26.653499603271484,
  "summary_bg_median": 7.958333492279053,
  "summary_bg_n": 389437.0,
  "summary_bg_p05": 1.3361111879348755,
  "summary_bg_p95": 121.40277862548828,
  "summary_bg_stdv": 51.5616569519043,
  "summary_fg_k": 1.6248225210839662,
  "summary_fg_mad": 162.3737642646565,
  "summary_fg_mean": 572.2315063476562,
  "summary_fg_median": 532.2916870117188,
  "summary_fg_n": 75757.0,
  "summary_fg_p05": 340.6805725097656,
  "summary_fg_p95": 955.7155761718745,
  "summary_fg_stdv": 190.81222534179688,
  "tsnr": 24.362675463431515
}