{
  "aor": 0.0078235,
  "aqi": 0.024765475,
  "bids_meta": {
    "DeviceSerialNumber": 67080,
    "DwellTime": 2,
    "EchoTime": 0.03,
    "FlipAngle": 49,
    "InPlanePhaseEncodingDirection": "COL",
    "InstitutionAddress": "E 72nd Street 516,NYC ,NYC,US,10021",
    "InstitutionName": "CBIC",
    "InversionTime": 1060,
    "MagneticFieldStrength": 3,
    "Manufacturer": "Siemens",
    "RepetitionTime": 0.8,
    "ScanOptions": "FS",
    "ScanningSequence": "EP",
    "SequenceVariant": "SK",
    "SoftwareVersions": "syngo MR E11",
    "StationName": "MRTRI03TX72",
    "TaskDescription": "Subjects did NOT wear a headmold.",
    "TaskName": "rest",
    "acq_id": "moldOFF",
    "dataset": "ds002735",
    "modality": "bold",
    "run_id": 1,
    "subject_id": "11",
    "task_id": "rest"
  },
  "dummy_trs": 0,
  "dvars_nstd": 51.217207693565456,
  "dvars_std": 1.0095779060167127,
  "dvars_vstd": 0.9803207797493041,
  "efc": 0.44122894475587043,
  "fber": 5732.8896484375,
  "fd_mean": 0.6207070191939285,
  "fd_num": 200,
  "fd_perc": 55.55555555555556,
  "fwhm_avg": 3.2054026504065205,
  "fwhm_x": 2.9187415506862977,
  "fwhm_y": 3.2482332042601425,
  "fwhm_z": 3.4492331962731204,
  "gcor": 0.0507134,
  "gsr_x": -0.004476415924727917,
  "gsr_y": 0.06435394287109375,
  "provenance": {
    "md5sum": "25cc6652ec07b7557ae96ad873177659",
    "settings": {
      "fd_thres": 0.2,
      "testing": false
    },
    "software": "mriqc",
    "version": "22.0.6",
    "webapi_port": null,
    "webapi_url": "https://mriqc.nimh.nih.gov/api/v1"
  },
  "size_t": 360,
  "size_x": 90,
  "size_y": 90,
  "size_z": 66,
  "snr": 2.897797950926922,
  "spacing_tr": 0.800000011920929,
  "spacing_x": 2.4000000953674316,
  "spacing_y": 2.4000000953674316,
  "spacing_z": 2.4000000953674316,
  "summary_bg_k": 37.64377052332974,
  "summary_bg_mad": 7.890738666496657,
  "summary_bg_mean": 22.775253295898438,
  "summary_bg_median": 7.050000190734863,
  "summary_bg_n": 382011.0,
  "summary_bg_p05": 1.3638889789581299,
  "summary_bg_p95": 99.58472442626953,
  "summary_bg_stdv": 44.78041076660156,
  "summary_fg_k": 1.5995079475792178,
  "summary_fg_mad": 149.0303442981061,
  "summary_fg_mean": 553.40087890625,
  "summary_fg_median": 517.0416870117188,
  "summary_fg_n": 80077.0,
  "summary_fg_p05": 333.2338928222656,
  "summary_fg_p95": 917.8528076171874,
  "summary_fg_stdv": 178.4246063232422,
  "tsnr": 20.073690868652193
}