{
  "aor": 0.0006823888888888888,
  "aqi": 0.0054106344166666666,
  "bids_meta": {
    "DeviceSerialNumber": 67080,
    "DwellTime": 2,
    "EchoTime": 0.03,
    "FlipAngle": 49,
    "InPlanePhaseEncodingDirection": "COL",
    "InstitutionAddress": "E 72nd Street 516,NYC ,NYC,US,10021",
    "InstitutionName": "CBIC",
    "InversionTime": 1060,
    "MagneticFieldStrength": 3,
    "Manufacturer": "Siemens",
    "RepetitionTime": 0.8,
    "ScanOptions": "FS",
    "ScanningSequence": "EP",
    "SequenceVariant": "SK",
    "SoftwareVersions": "syngo MR E11",
    "StationName": "MRTRI03TX72",
    "TaskDescription": "Subjects DID wear a headmold.",
    "TaskName": "rest",
    "acq_id": "moldON",
    "dataset": "ds002735",
    "modality": "bold",
    "run_id": 2,
    "subject_id": "07",
    "task_id": "rest"
  },
  "dummy_trs": 0,
  "dvars_nstd": 40.53175827376045,
  "dvars_std": 1.2942397005013926,
  "dvars_vstd": 1.0013235208077997,
  "efc": 0.48277265905716094,
  "fber": 3221.216796875,
  "fd_mean": 0.06299414157710255,
  "fd_num": 2,
  "fd_perc": 0.5555555555555556,
  "fwhm_avg": 3.148242930455621,
  "fwhm_x": 2.87644571903365,
  "fwhm_y": 3.3503082002040463,
  "fwhm_z": 3.217974872129167,
  "gcor": 0.0204758,
  "gsr_x": 0.006819453090429306,
  "gsr_y": 0.05084238946437836,
  "provenance": {
    "md5sum": "79aaced1eeae5a46981ae836ee177915",
    "settings": {
      "fd_thres": 0.2,
      "testing": false
    },
    "software": "mriqc",
    "version": "22.0.6",
    "webapi_port": null,
    "webapi_url": "https://mriqc.nimh.nih.gov/api/v1"
  },
  "size_t": 360,
  "size_x": 90,
  "size_y": 90,
  "size_z": 66,
  "snr": 2.3921586448340206,
  "spacing_tr": 0.800000011920929,
  "spacing_x": 2.4000000953674316,
  "spacing_y": 2.4000000953674316,
  "spacing_z": 2.4000000953674316,
  "summary_bg_k": 18.504517622673855,
  "summary_bg_mad": 11.111279849828788,
  "summary_bg_mean": 35.892093658447266,
  "summary_bg_median": 9.933333396911621,
  "summary_bg_n": 357685.0,
  "summary_bg_p05": 1.5916666984558105,
  "summary_bg_p95": 183.91167297363268,
  "summary_bg_stdv": 72.27718353271484,
  "summary_fg_k": 0.6506549347901234,
  "summary_fg_mad": 225.13727326320333,
  "summary_fg_mean": 610.2543334960938,
  "summary_fg_median": 561.6722412109375,
  "summary_fg_n": 96475.0,
  "summary_fg_p05": 315.41945495605466,
  "summary_fg_p95": 1056.522265625,
  "summary_fg_stdv": 234.7960205078125,
  "tsnr": 46.307917116442695
}