{
  "aor": 0.0011510000000000001,
  "aqi": 0.00459975361111111,
  "bids_meta": {
    "DeviceSerialNumber": 67080,
    "DwellTime": 2,
    "EchoTime": 0.03,
    "FlipAngle": 49,
    "InPlanePhaseEncodingDirection": "COL",
    "InstitutionAddress": "E 72nd Street 516,NYC ,NYC,US,10021",
    "InstitutionName": "CBIC",
    "InversionTime": 1060,
    "MagneticFieldStrength": 3,
    "Manufacturer": "Siemens",
    "RepetitionTime": 0.8,
    "ScanOptions": "FS",
    "ScanningSequence": "EP",
    "SequenceVariant": "SK",
    "SoftwareVersions": "syngo MR E11",
    "StationName": "MRTRI03TX72",
    "TaskDescription": "Subjects did NOT wear a headmold.",
    "TaskName": "rest",
    "acq_id": "moldOFF",
    "dataset": "ds002735",
    "modality": "bold",
    "run_id": 1,
    "subject_id": "07",
    "task_id": "rest"
  },
  "dummy_trs": 0,
  "dvars_nstd": 35.64380224961005,
  "dvars_std": 1.167010994233983,
  "dvars_vstd": 1.0045271354038996,
  "efc": 0.48289655829833567,
  "fber": 3318.2734375,
  "fd_mean": 0.16769381202447817,
  "fd_num": 114,
  "fd_perc": 31.666666666666668,
  "fwhm_avg": 3.2127040390052777,
  "fwhm_x": 2.9358373833403038,
  "fwhm_y": 3.411570697769694,
  "fwhm_z": 3.2907040359058364,
  "gcor": 0.00931031,
  "gsr_x": 0.0015696986811235547,
  "gsr_y": 0.05474090576171875,
  "provenance": {
    "md5sum": "4b349946bdc212637f3f9631f3860bf9",
    "settings": {
      "fd_thres": 0.2,
      "testing": false
    },
    "software": "mriqc",
    "version": "22.0.6",
    "webapi_port": null,
    "webapi_url": "https://mriqc.nimh.nih.gov/api/v1"
  },
  "size_t": 360,
  "size_x": 90,
  "size_y": 90,
  "size_z": 66,
  "snr": 2.3037428377719498,
  "spacing_tr": 0.800000011920929,
  "spacing_x": 2.4000000953674316,
  "spacing_y": 2.4000000953674316,
  "spacing_z": 2.4000000953674316,
  "summary_bg_k": 20.8260819043841,
  "summary_bg_mad": 11.189528991499527,
  "summary_bg_mean": 39.12516403198242,
  "summary_bg_median": 9.966667175292969,
  "summary_bg_n": 358499.0,
  "summary_bg_p05": 1.625,
  "summary_bg_p95": 202.55028076171868,
  "summary_bg_stdv": 80.85301208496094,
  "summary_fg_k": 1.28939283459078,
  "summary_fg_mad": 223.81321102802426,
  "summary_fg_mean": 627.9362182617188,
  "summary_fg_median": 571.086181640625,
  "summary_fg_n": 97308.0,
  "summary_fg_p05": 329.59084167480466,
  "summary_fg_p95": 1108.2665527343747,
  "summary_fg_stdv": 247.89366149902344,
  "tsnr": 45.45082449365873
}