{
  "aor": 0.0019454166666666671,
  "aqi": 0.006640838083333334,
  "bids_meta": {
    "DeviceSerialNumber": 67080,
    "DwellTime": 2,
    "EchoTime": 0.03,
    "FlipAngle": 49,
    "InPlanePhaseEncodingDirection": "COL",
    "InstitutionAddress": "E 72nd Street 516,NYC ,NYC,US,10021",
    "InstitutionName": "CBIC",
    "InversionTime": 1060,
    "MagneticFieldStrength": 3,
    "Manufacturer": "Siemens",
    "RepetitionTime": 0.8,
    "ScanOptions": "FS",
    "ScanningSequence": "EP",
    "SequenceVariant": "SK",
    "SoftwareVersions": "syngo MR E11",
    "StationName": "MRTRI03TX72",
    "TaskDescription": "Subjects did NOT wear a headmold.",
    "TaskName": "rest",
    "acq_id": "moldOFF",
    "dataset": "ds002735",
    "modality": "bold",
    "run_id": 2,
    "subject_id": "07",
    "task_id": "rest"
  },
  "dummy_trs": 0,
  "dvars_nstd": 38.44402877437328,
  "dvars_std": 1.2093746655710298,
  "dvars_vstd": 0.9948975125905294,
  "efc": 0.48342597818624866,
  "fber": 2855.147705078125,
  "fd_mean": 0.11697428281175419,
  "fd_num": 16,
  "fd_perc": 4.444444444444445,
  "fwhm_avg": 3.2043415393375736,
  "fwhm_x": 2.9297165502501903,
  "fwhm_y": 3.4466831963744484,
  "fwhm_z": 3.236624871388083,
  "gcor": 0.0156644,
  "gsr_x": 0.0036202105693519115,
  "gsr_y": 0.051257114857435226,
  "provenance": {
    "md5sum": "bd44f01079c4f3f7688d707b1bd62be1",
    "settings": {
      "fd_thres": 0.2,
      "testing": false
    },
    "software": "mriqc",
    "version": "22.0.6",
    "webapi_port": null,
    "webapi_url": "https://mriqc.nimh.nih.gov/api/v1"
  },
  "size_t": 360,
  "size_x": 90,
  "size_y": 90,
  "size_z": 66,
  "snr": 2.3418801834426546,
  "spacing_tr": 0.800000011920929,
  "spacing_x": 2.4000000953674316,
  "spacing_y": 2.4000000953674316,
  "spacing_z": 2.4000000953674316,
  "summary_bg_k": 23.002104641673206,
  "summary_bg_mad": 11.95142171968048,
  "summary_bg_mean": 38.535037994384766,
  "summary_bg_median": 10.802778244018555,
  "summary_bg_n": 359591.0,
  "summary_bg_p05": 1.6500000953674316,
  "summary_bg_p95": 194.93333435058594,
  "summary_bg_stdv": 77.10711669921875,
  "summary_fg_k": 0.7442778747205803,
  "summary_fg_mad": 235.6679206431498,
  "summary_fg_mean": 624.483642578125,
  "summary_fg_median": 574.4583740234375,
  "summary_fg_n": 96267.0,
  "summary_fg_p05": 318.4416809082031,
  "summary_fg_p95": 1088.7667236328125,
  "summary_fg_stdv": 245.29666137695312,
  "tsnr": 41.296131934504956
}