{
  "aor": 0.0004492222222222222,
  "aqi": 0.004390800777777777,
  "bids_meta": {
    "DeviceSerialNumber": 67080,
    "DwellTime": 2,
    "EchoTime": 0.03,
    "FlipAngle": 49,
    "InPlanePhaseEncodingDirection": "COL",
    "InstitutionAddress": "E 72nd Street 516,NYC ,NYC,US,10021",
    "InstitutionName": "CBIC",
    "InversionTime": 1060,
    "MagneticFieldStrength": 3,
    "Manufacturer": "Siemens",
    "RepetitionTime": 0.8,
    "ScanOptions": "FS",
    "ScanningSequence": "EP",
    "SequenceVariant": "SK",
    "SoftwareVersions": "syngo MR E11",
    "StationName": "MRTRI03TX72",
    "TaskDescription": "Subjects DID wear a headmold.",
    "TaskName": "rest",
    "acq_id": "moldON",
    "dataset": "ds002735",
    "modality": "bold",
    "run_id": 1,
    "subject_id": "07",
    "task_id": "rest"
  },
  "dummy_trs": 0,
  "dvars_nstd": 34.45297125415037,
  "dvars_std": 1.170723598662952,
  "dvars_vstd": 0.9928526231476326,
  "efc": 0.48300531823705384,
  "fber": 3233.995361328125,
  "fd_mean": 0.07155137598904396,
  "fd_num": 0,
  "fd_perc": 0.0,
  "fwhm_avg": 3.1952746508496674,
  "fwhm_x": 2.876166552378076,
  "fwhm_y": 3.3699161979871315,
  "fwhm_z": 3.3397412021837947,
  "gcor": 0.00758588,
  "gsr_x": 0.005212964490056038,
  "gsr_y": 0.04934580251574516,
  "provenance": {
    "md5sum": "95b2f1abcf50907ee16fc3974971d216",
    "settings": {
      "fd_thres": 0.2,
      "testing": false
    },
    "software": "mriqc",
    "version": "22.0.6",
    "webapi_port": null,
    "webapi_url": "https://mriqc.nimh.nih.gov/api/v1"
  },
  "size_t": 360,
  "size_x": 90,
  "size_y": 90,
  "size_z": 66,
  "snr": 2.3609014633328713,
  "spacing_tr": 0.800000011920929,
  "spacing_x": 2.4000000953674316,
  "spacing_y": 2.4000003337860107,
  "spacing_z": 2.4000003337860107,
  "summary_bg_k": 20.953414117252375,
  "summary_bg_mad": 11.07833340093571,
  "summary_bg_mean": 39.489131927490234,
  "summary_bg_median": 10.002778053283691,
  "summary_bg_n": 360311.0,
  "summary_bg_p05": 1.6305556297302246,
  "summary_bg_p95": 203.29444885253906,
  "summary_bg_stdv": 82.80169677734375,
  "summary_fg_k": 0.9484028458181704,
  "summary_fg_mad": 216.03782929438262,
  "summary_fg_mean": 618.2412109375,
  "summary_fg_median": 563.9625244140625,
  "summary_fg_n": 95786.0,
  "summary_fg_p05": 326.8826370239258,
  "summary_fg_p95": 1082.2167358398438,
  "summary_fg_stdv": 238.8746795654297,
  "tsnr": 48.29929870786145
}