{
  "aor": 0.0007636944444444444,
  "aqi": 0.00507056363888889,
  "bids_meta": {
    "DeviceSerialNumber": 67080,
    "DwellTime": 2,
    "EchoTime": 0.03,
    "FlipAngle": 49,
    "InPlanePhaseEncodingDirection": "COL",
    "InstitutionAddress": "E 72nd Street 516,NYC ,NYC,US,10021",
    "InstitutionName": "CBIC",
    "InversionTime": 1060,
    "MagneticFieldStrength": 3,
    "Manufacturer": "Siemens",
    "RepetitionTime": 0.8,
    "ScanOptions": "FS",
    "ScanningSequence": "EP",
    "SequenceVariant": "SK",
    "SoftwareVersions": "syngo MR E11",
    "StationName": "MRTRI03TX72",
    "TaskDescription": "Subjects DID wear a headmold.",
    "TaskName": "rest",
    "acq_id": "moldON",
    "dataset": "ds002735",
    "modality": "bold",
    "run_id": 2,
    "subject_id": "03",
    "task_id": "rest"
  },
  "dummy_trs": 0,
  "dvars_nstd": 30.369934629220054,
  "dvars_std": 1.084009172729805,
  "dvars_vstd": 1.000048584150418,
  "efc": 0.47011093635912854,
  "fber": 2657.16845703125,
  "fd_mean": 0.07577568558568491,
  "fd_num": 12,
  "fd_perc": 3.3333333333333335,
  "fwhm_avg": 3.158859596700419,
  "fwhm_x": 2.8478915535016234,
  "fwhm_y": 3.4003415315492336,
  "fwhm_z": 3.2283457050504007,
  "gcor": 0.0360002,
  "gsr_x": 0.02022596448659897,
  "gsr_y": 0.03341184929013252,
  "provenance": {
    "md5sum": "d6e369e7b30b967618a7f1b0756a9c18",
    "settings": {
      "fd_thres": 0.2,
      "testing": false
    },
    "software": "mriqc",
    "version": "22.0.6",
    "webapi_port": null,
    "webapi_url": "https://mriqc.nimh.nih.gov/api/v1"
  },
  "size_t": 360,
  "size_x": 90,
  "size_y": 90,
  "size_z": 66,
  "snr": 2.3481394437366827,
  "spacing_tr": 0.800000011920929,
  "spacing_x": 2.4000000953674316,
  "spacing_y": 2.4000000953674316,
  "spacing_z": 2.4000000953674316,
  "summary_bg_k": 28.021967683737515,
  "summary_bg_mad": 12.19440310581661,
  "summary_bg_mean": 39.42939758300781,
  "summary_bg_median": 11.027777671813965,
  "summary_bg_n": 369347.0,
  "summary_bg_p05": 1.6527777910232544,
  "summary_bg_p95": 201.06805419921892,
  "summary_bg_stdv": 80.18291473388672,
  "summary_fg_k": 0.4593870832594211,
  "summary_fg_mad": 239.18699699965066,
  "summary_fg_mean": 635.9542846679688,
  "summary_fg_median": 583.7833251953125,
  "summary_fg_n": 81934.0,
  "summary_fg_p05": 320.3220962524414,
  "summary_fg_p95": 1102.9908569335937,
  "summary_fg_stdv": 248.61375427246094,
  "tsnr": 44.971344073303044
}