{
  "aor": 0.0019056388888888886,
  "aqi": 0.005810549972222222,
  "bids_meta": {
    "DeviceSerialNumber": 67080,
    "DwellTime": 2,
    "EchoTime": 0.03,
    "FlipAngle": 49,
    "InPlanePhaseEncodingDirection": "COL",
    "InstitutionAddress": "E 72nd Street 516,NYC ,NYC,US,10021",
    "InstitutionName": "CBIC",
    "InversionTime": 1060,
    "MagneticFieldStrength": 3,
    "Manufacturer": "Siemens",
    "RepetitionTime": 0.8,
    "ScanOptions": "FS",
    "ScanningSequence": "EP",
    "SequenceVariant": "SK",
    "SoftwareVersions": "syngo MR E11",
    "StationName": "MRTRI03TX72",
    "TaskDescription": "Subjects did NOT wear a headmold.",
    "TaskName": "rest",
    "acq_id": "moldOFF",
    "dataset": "ds002735",
    "modality": "bold",
    "run_id": 2,
    "subject_id": "03",
    "task_id": "rest"
  },
  "dummy_trs": 0,
  "dvars_nstd": 37.18840152771588,
  "dvars_std": 1.1488807698050132,
  "dvars_vstd": 1.010108192618384,
  "efc": 0.4751268049854029,
  "fber": 2634.082275390625,
  "fd_mean": 0.1362493038221625,
  "fd_num": 64,
  "fd_perc": 17.77777777777778,
  "fwhm_avg": 3.1355345976272715,
  "fwhm_x": 2.8293790542372443,
  "fwhm_y": 3.332212367589777,
  "fwhm_z": 3.2450123710547936,
  "gcor": 0.0268305,
  "gsr_x": 0.029148206114768982,
  "gsr_y": 0.018651889637112617,
  "provenance": {
    "md5sum": "f0b490608d12c26805cb47d10f8a2e3e",
    "settings": {
      "fd_thres": 0.2,
      "testing": false
    },
    "software": "mriqc",
    "version": "22.0.6",
    "webapi_port": null,
    "webapi_url": "https://mriqc.nimh.nih.gov/api/v1"
  },
  "size_t": 360,
  "size_x": 90,
  "size_y": 90,
  "size_z": 66,
  "snr": 2.216964076108219,
  "spacing_tr": 0.800000011920929,
  "spacing_x": 2.4000000953674316,
  "spacing_y": 2.4000000953674316,
  "spacing_z": 2.4000000953674316,
  "summary_bg_k": 26.548026422732587,
  "summary_bg_mad": 11.910239895743834,
  "summary_bg_mean": 38.44245147705078,
  "summary_bg_median": 10.875,
  "summary_bg_n": 360462.0,
  "summary_bg_p05": 1.658333420753479,
  "summary_bg_p95": 193.34917297363302,
  "summary_bg_stdv": 79.1958999633789,
  "summary_fg_k": 0.7644474552507803,
  "summary_fg_mad": 251.36080000302115,
  "summary_fg_mean": 653.1158447265625,
  "summary_fg_median": 595.0416259765625,
  "summary_fg_n": 85620.0,
  "summary_fg_p05": 320.3434799194336,
  "summary_fg_p95": 1172.8893310546875,
  "summary_fg_stdv": 268.4022521972656,
  "tsnr": 41.44775333092548
}