{
  "aor": 0.008133944444444445,
  "aqi": 0.007720987999999999,
  "bids_meta": {
    "DeviceSerialNumber": 67080,
    "DwellTime": 2,
    "EchoTime": 0.03,
    "FlipAngle": 49,
    "InPlanePhaseEncodingDirection": "COL",
    "InstitutionAddress": "E 72nd Street 516,NYC ,NYC,US,10021",
    "InstitutionName": "CBIC",
    "InversionTime": 1060,
    "MagneticFieldStrength": 3,
    "Manufacturer": "Siemens",
    "RepetitionTime": 0.8,
    "ScanOptions": "FS",
    "ScanningSequence": "EP",
    "SequenceVariant": "SK",
    "SoftwareVersions": "syngo MR E11",
    "StationName": "MRTRI03TX72",
    "TaskDescription": "Subjects DID wear a headmold.",
    "TaskName": "rest",
    "acq_id": "moldON",
    "dataset": "ds002735",
    "modality": "bold",
    "run_id": 2,
    "subject_id": "05",
    "task_id": "rest"
  },
  "dummy_trs": 0,
  "dvars_nstd": 36.088797641169904,
  "dvars_std": 1.146686777437325,
  "dvars_vstd": 1.0785087100557103,
  "efc": 0.4724071989200258,
  "fber": 3458.981689453125,
  "fd_mean": 0.08975473922718552,
  "fd_num": 22,
  "fd_perc": 6.111111111111111,
  "fwhm_avg": 2.822059610083649,
  "fwhm_x": 2.5728207310986226,
  "fwhm_y": 2.9639457155567124,
  "fwhm_z": 2.9294123835956105,
  "gcor": 0.00839565,
  "gsr_x": 0.005303467158228159,
  "gsr_y": 0.048928357660770416,
  "provenance": {
    "md5sum": "9f56012008acbcc20c9d5e7a6271758d",
    "settings": {
      "fd_thres": 0.2,
      "testing": false
    },
    "software": "mriqc",
    "version": "22.0.6",
    "webapi_port": null,
    "webapi_url": "https://mriqc.nimh.nih.gov/api/v1"
  },
  "size_t": 360,
  "size_x": 90,
  "size_y": 90,
  "size_z": 66,
  "snr": 2.614096031542493,
  "spacing_tr": 0.800000011920929,
  "spacing_x": 2.4000000953674316,
  "spacing_y": 2.4000000953674316,
  "spacing_z": 2.4000000953674316,
  "summary_bg_k": 16.63182679195547,
  "summary_bg_mad": 9.606027522114056,
  "summary_bg_mean": 37.35333251953125,
  "summary_bg_median": 8.4375,
  "summary_bg_n": 377442.0,
  "summary_bg_p05": 1.4611111879348755,
  "summary_bg_p95": 197.44694213867194,
  "summary_bg_stdv": 77.2617416381836,
  "summary_fg_k": 0.5539984517614904,
  "summary_fg_mad": 182.86869936664712,
  "summary_fg_mean": 540.9486083984375,
  "summary_fg_median": 503.29583740234375,
  "summary_fg_n": 77346.0,
  "summary_fg_p05": 293.8826370239258,
  "summary_fg_p95": 902.3562622070312,
  "summary_fg_stdv": 192.53025817871094,
  "tsnr": 36.34125752351247
}