{
  "aor": 0.002598027777777778,
  "aqi": 0.012402497916666668,
  "bids_meta": {
    "DeviceSerialNumber": 67080,
    "DwellTime": 2,
    "EchoTime": 0.03,
    "FlipAngle": 49,
    "InPlanePhaseEncodingDirection": "COL",
    "InstitutionAddress": "E 72nd Street 516,NYC ,NYC,US,10021",
    "InstitutionName": "CBIC",
    "InversionTime": 1060,
    "MagneticFieldStrength": 3,
    "Manufacturer": "Siemens",
    "RepetitionTime": 0.8,
    "ScanOptions": "FS",
    "ScanningSequence": "EP",
    "SequenceVariant": "SK",
    "SoftwareVersions": "syngo MR E11",
    "StationName": "MRTRI03TX72",
    "TaskDescription": "Subjects did NOT wear a headmold.",
    "TaskName": "rest",
    "acq_id": "moldOFF",
    "dataset": "ds002735",
    "modality": "bold",
    "run_id": 1,
    "subject_id": "05",
    "task_id": "rest"
  },
  "dummy_trs": 0,
  "dvars_nstd": 37.180442905821685,
  "dvars_std": 1.0033464699442896,
  "dvars_vstd": 0.9724043300278549,
  "efc": 0.4735574821080143,
  "fber": 2890.165283203125,
  "fd_mean": 0.11184102292847105,
  "fd_num": 32,
  "fd_perc": 8.88888888888889,
  "fwhm_avg": 2.9575457158110257,
  "fwhm_x": 2.684774893316631,
  "fwhm_y": 3.0098582137323135,
  "fwhm_z": 3.178004040384132,
  "gcor": 0.00973285,
  "gsr_x": 0.0028404504992067814,
  "gsr_y": 0.052360497415065765,
  "provenance": {
    "md5sum": "fce4dcfbddc55e13599dd4a95d354262",
    "settings": {
      "fd_thres": 0.2,
      "testing": false
    },
    "software": "mriqc",
    "version": "22.0.6",
    "webapi_port": null,
    "webapi_url": "https://mriqc.nimh.nih.gov/api/v1"
  },
  "size_t": 360,
  "size_x": 90,
  "size_y": 90,
  "size_z": 66,
  "snr": 2.43211685942953,
  "spacing_tr": 0.800000011920929,
  "spacing_x": 2.4000000953674316,
  "spacing_y": 2.4000000953674316,
  "spacing_z": 2.4000000953674316,
  "summary_bg_k": 17.01415146786414,
  "summary_bg_mad": 10.077577327620325,
  "summary_bg_mean": 36.5853157043457,
  "summary_bg_median": 8.783333778381348,
  "summary_bg_n": 375988.0,
  "summary_bg_p05": 1.4361110925674438,
  "summary_bg_p95": 193.16083984374941,
  "summary_bg_stdv": 73.07405853271484,
  "summary_fg_k": 1.6475973754801618,
  "summary_fg_mad": 169.43053547170467,
  "summary_fg_mean": 523.6197509765625,
  "summary_fg_median": 482.44586181640625,
  "summary_fg_n": 78578.0,
  "summary_fg_p05": 282.29640808105466,
  "summary_fg_p95": 919.2501647949217,
  "summary_fg_stdv": 198.3633270263672,
  "tsnr": 29.845483044395223
}