{
  "aor": 0.0016565168539325844,
  "aqi": 0.006324548651685393,
  "bids_meta": {
    "DeviceSerialNumber": 67080,
    "DwellTime": 2,
    "EchoTime": 0.03,
    "FlipAngle": 49,
    "InPlanePhaseEncodingDirection": "COL",
    "InstitutionAddress": "E 72nd Street 516,NYC ,NYC,US,10021",
    "InstitutionName": "CBIC",
    "InversionTime": 1060,
    "MagneticFieldStrength": 3,
    "Manufacturer": "Siemens",
    "RepetitionTime": 0.8,
    "ScanOptions": "FS",
    "ScanningSequence": "EP",
    "SequenceVariant": "SK",
    "SoftwareVersions": "syngo MR E11",
    "StationName": "MRTRI03TX72",
    "TaskDescription": "Subjects did NOT wear a headmold.",
    "TaskName": "rest",
    "acq_id": "moldOFF",
    "dataset": "ds002735",
    "modality": "bold",
    "run_id": 2,
    "subject_id": "05",
    "task_id": "rest"
  },
  "dummy_trs": 4,
  "dvars_nstd": 36.1473898069859,
  "dvars_std": 1.0993061751830988,
  "dvars_vstd": 1.0109193005352115,
  "efc": 0.46739057079697266,
  "fber": 3383.204833984375,
  "fd_mean": 0.07468664950827295,
  "fd_num": 8,
  "fd_perc": 2.247191011235955,
  "fwhm_avg": 2.931784605723569,
  "fwhm_x": 2.665937394065166,
  "fwhm_y": 2.945066549640236,
  "fwhm_z": 3.1843498734653046,
  "gcor": 0.00842347,
  "gsr_x": -0.0006768974708393216,
  "gsr_y": 0.056657396256923676,
  "provenance": {
    "md5sum": "e9f20a84e54852e2d44ec56b2a096800",
    "settings": {
      "fd_thres": 0.2,
      "testing": false
    },
    "software": "mriqc",
    "version": "22.0.6",
    "webapi_port": null,
    "webapi_url": "https://mriqc.nimh.nih.gov/api/v1"
  },
  "size_t": 356,
  "size_x": 90,
  "size_y": 90,
  "size_z": 66,
  "snr": 2.3995192963852667,
  "spacing_tr": 0.800000011920929,
  "spacing_x": 2.4000000953674316,
  "spacing_y": 2.4000000953674316,
  "spacing_z": 2.4000000953674316,
  "summary_bg_k": 17.90369799808332,
  "summary_bg_mad": 9.362050736539231,
  "summary_bg_mean": 35.823150634765625,
  "summary_bg_median": 8.182584762573242,
  "summary_bg_n": 379141.0,
  "summary_bg_p05": 1.4073033332824707,
  "summary_bg_p95": 190.36517333984375,
  "summary_bg_stdv": 73.45464324951172,
  "summary_fg_k": 1.766666596372275,
  "summary_fg_mad": 166.95518067210347,
  "summary_fg_mean": 521.06494140625,
  "summary_fg_median": 478.2191162109375,
  "summary_fg_n": 77684.0,
  "summary_fg_p05": 283.7026611328125,
  "summary_fg_p95": 923.1036529541008,
  "summary_fg_stdv": 199.29660034179688,
  "tsnr": 38.16659697610885
}