{
  "aor": 0.0007827499999999999,
  "aqi": 0.0035766035833333333,
  "bids_meta": {
    "DeviceSerialNumber": 67080,
    "DwellTime": 2,
    "EchoTime": 0.03,
    "FlipAngle": 49,
    "InPlanePhaseEncodingDirection": "COL",
    "InstitutionAddress": "E 72nd Street 516,NYC ,NYC,US,10021",
    "InstitutionName": "CBIC",
    "InversionTime": 1060,
    "MagneticFieldStrength": 3,
    "Manufacturer": "Siemens",
    "RepetitionTime": 0.8,
    "ScanOptions": "FS",
    "ScanningSequence": "EP",
    "SequenceVariant": "SK",
    "SoftwareVersions": "syngo MR E11",
    "StationName": "MRTRI03TX72",
    "TaskDescription": "Subjects DID wear a headmold.",
    "TaskName": "rest",
    "acq_id": "moldON",
    "dataset": "ds002735",
    "modality": "bold",
    "run_id": 1,
    "subject_id": "05",
    "task_id": "rest"
  },
  "dummy_trs": 0,
  "dvars_nstd": 33.24323654161559,
  "dvars_std": 1.0996582441225609,
  "dvars_vstd": 1.0097758198885787,
  "efc": 0.4717555000507328,
  "fber": 3309.8623046875,
  "fd_mean": 0.044245343722312556,
  "fd_num": 0,
  "fd_perc": 0.0,
  "fwhm_avg": 2.8232221100374546,
  "fwhm_x": 2.569824897884333,
  "fwhm_y": 2.957604049142041,
  "fwhm_z": 2.9422373830859905,
  "gcor": 0.00385177,
  "gsr_x": 0.004141372628509998,
  "gsr_y": 0.050600316375494,
  "provenance": {
    "md5sum": "52ebfc858822acd68fa52912948084e9",
    "settings": {
      "fd_thres": 0.2,
      "testing": false
    },
    "software": "mriqc",
    "version": "22.0.6",
    "webapi_port": null,
    "webapi_url": "https://mriqc.nimh.nih.gov/api/v1"
  },
  "size_t": 360,
  "size_x": 90,
  "size_y": 90,
  "size_z": 66,
  "snr": 2.610070447757001,
  "spacing_tr": 0.800000011920929,
  "spacing_x": 2.4000000953674316,
  "spacing_y": 2.4000000953674316,
  "spacing_z": 2.4000000953674316,
  "summary_bg_k": 16.559608462621952,
  "summary_bg_mad": 9.715162854997324,
  "summary_bg_mean": 37.092716217041016,
  "summary_bg_median": 8.566666603088379,
  "summary_bg_n": 377178.0,
  "summary_bg_p05": 1.4916666746139526,
  "summary_bg_p95": 199.40167541503868,
  "summary_bg_stdv": 77.19294738769531,
  "summary_fg_k": 0.5000696153699269,
  "summary_fg_mad": 183.34230589503483,
  "summary_fg_mean": 540.2716064453125,
  "summary_fg_median": 503.07501220703125,
  "summary_fg_n": 77414.0,
  "summary_fg_p05": 292.00083312988284,
  "summary_fg_p95": 901.5264038085935,
  "summary_fg_stdv": 192.7425994873047,
  "tsnr": 46.10060173412785
}