{
  "aor": 0.0006302777777777778,
  "aqi": 0.005019796416666666,
  "bids_meta": {
    "DeviceSerialNumber": 67080,
    "DwellTime": 2,
    "EchoTime": 0.03,
    "FlipAngle": 49,
    "InPlanePhaseEncodingDirection": "COL",
    "InstitutionAddress": "E 72nd Street 516,NYC ,NYC,US,10021",
    "InstitutionName": "CBIC",
    "InversionTime": 1060,
    "MagneticFieldStrength": 3,
    "Manufacturer": "Siemens",
    "RepetitionTime": 0.8,
    "ScanOptions": "FS",
    "ScanningSequence": "EP",
    "SequenceVariant": "SK",
    "SoftwareVersions": "syngo MR E11",
    "StationName": "MRTRI03TX72",
    "TaskDescription": "Subjects DID wear a headmold.",
    "TaskName": "rest",
    "acq_id": "moldON",
    "dataset": "ds002735",
    "modality": "bold",
    "run_id": 1,
    "subject_id": "03",
    "task_id": "rest"
  },
  "dummy_trs": 0,
  "dvars_nstd": 27.219113267855146,
  "dvars_std": 1.031739720724235,
  "dvars_vstd": 0.9950351710306409,
  "efc": 0.47738873829190037,
  "fber": 2670.872802734375,
  "fd_mean": 0.0770433666608383,
  "fd_num": 13,
  "fd_perc": 3.611111111111111,
  "fwhm_avg": 3.1546873746439865,
  "fwhm_x": 2.759191557026245,
  "fwhm_y": 3.4306915303432337,
  "fwhm_z": 3.274179036562481,
  "gcor": 0.0143108,
  "gsr_x": 0.022874120622873306,
  "gsr_y": 0.039428334683179855,
  "provenance": {
    "md5sum": "514b167d256facd03930cf320fd10c85",
    "settings": {
      "fd_thres": 0.2,
      "testing": false
    },
    "software": "mriqc",
    "version": "22.0.6",
    "webapi_port": null,
    "webapi_url": "https://mriqc.nimh.nih.gov/api/v1"
  },
  "size_t": 360,
  "size_x": 90,
  "size_y": 90,
  "size_z": 66,
  "snr": 2.3788873798546284,
  "spacing_tr": 0.800000011920929,
  "spacing_x": 2.4000000953674316,
  "spacing_y": 2.4000000953674316,
  "spacing_z": 2.4000000953674316,
  "summary_bg_k": 21.151409057897588,
  "summary_bg_mad": 11.638427980836838,
  "summary_bg_mean": 38.701663970947266,
  "summary_bg_median": 10.63888931274414,
  "summary_bg_n": 364973.0,
  "summary_bg_p05": 1.6750000715255737,
  "summary_bg_p95": 197.2461120605465,
  "summary_bg_stdv": 78.12315368652344,
  "summary_fg_k": 0.851011363514997,
  "summary_fg_mad": 212.333314546996,
  "summary_fg_mean": 615.654052734375,
  "summary_fg_median": 562.4305419921875,
  "summary_fg_n": 85637.0,
  "summary_fg_p05": 322.60222778320315,
  "summary_fg_p95": 1072.5806152343748,
  "summary_fg_stdv": 236.42449951171875,
  "tsnr": 47.619995102752
}