{
  "aor": 0.0007458611111111112,
  "aqi": 0.009367737333333332,
  "bids_meta": {
    "DeviceSerialNumber": 67080,
    "DwellTime": 2,
    "EchoTime": 0.03,
    "FlipAngle": 49,
    "InPlanePhaseEncodingDirection": "COL",
    "InstitutionAddress": "E 72nd Street 516,NYC ,NYC,US,10021",
    "InstitutionName": "CBIC",
    "InversionTime": 1060,
    "MagneticFieldStrength": 3,
    "Manufacturer": "Siemens",
    "RepetitionTime": 0.8,
    "ScanOptions": "FS",
    "ScanningSequence": "EP",
    "SequenceVariant": "SK",
    "SoftwareVersions": "syngo MR E11",
    "StationName": "MRTRI03TX72",
    "TaskDescription": "Subjects did NOT wear a headmold.",
    "TaskName": "rest",
    "acq_id": "moldOFF",
    "dataset": "ds002735",
    "modality": "bold",
    "run_id": 1,
    "subject_id": "03",
    "task_id": "rest"
  },
  "dummy_trs": 0,
  "dvars_nstd": 31.517638341977733,
  "dvars_std": 1.0243702038997224,
  "dvars_vstd": 0.949820890473538,
  "efc": 0.4710498769101479,
  "fber": 2958.0087890625,
  "fd_mean": 0.13775415442542416,
  "fd_num": 52,
  "fd_perc": 14.444444444444445,
  "fwhm_avg": 3.1984929284588657,
  "fwhm_x": 2.8305998875220664,
  "fwhm_y": 3.409933197834762,
  "fwhm_z": 3.3549457000197687,
  "gcor": 0.0148354,
  "gsr_x": 0.025881826877593994,
  "gsr_y": 0.02881726436316967,
  "provenance": {
    "md5sum": "2de77138cb34202e1230112b1a43300d",
    "settings": {
      "fd_thres": 0.2,
      "testing": false
    },
    "software": "mriqc",
    "version": "22.0.6",
    "webapi_port": null,
    "webapi_url": "https://mriqc.nimh.nih.gov/api/v1"
  },
  "size_t": 360,
  "size_x": 90,
  "size_y": 90,
  "size_z": 66,
  "snr": 2.239283657036649,
  "spacing_tr": 0.800000011920929,
  "spacing_x": 2.4000000953674316,
  "spacing_y": 2.4000000953674316,
  "spacing_z": 2.4000000953674316,
  "summary_bg_k": 25.609570401851062,
  "summary_bg_mad": 11.399564282222492,
  "summary_bg_mean": 39.61452102661133,
  "summary_bg_median": 10.561111450195312,
  "summary_bg_n": 365379.0,
  "summary_bg_p05": 1.6861110925674438,
  "summary_bg_p95": 199.95028991699212,
  "summary_bg_stdv": 83.60271453857422,
  "summary_fg_k": 1.421325456279832,
  "summary_fg_mad": 230.77118884078203,
  "summary_fg_mean": 652.789306640625,
  "summary_fg_median": 592.8416748046875,
  "summary_fg_n": 84918.0,
  "summary_fg_p05": 333.058349609375,
  "summary_fg_p95": 1177.848040771484,
  "summary_fg_stdv": 264.74456787109375,
  "tsnr": 36.26975635252893
}